mintr 4 2 0 0 0 2 1 0 1 64
1 "n"
0 
fovtitle 2 2 0 0 0 4 1 3 1 64
1 ""
0 
dfrq2 1 1 1000000000 0 0 2 1 9 1 64
1 0 
0 
chessfrq 5 1 8 8 8 2 1 8192 1 64
1 0 
0 
arrayelemts 1 1 9.99999984307e+17 -9.99999984307e+17 0 2 1 0 1 64
1 1 
0 
age 1 1 9.9e+17 0 0.001 3 1 0 1 64
1 0 
0 
acquireref 2 2 8 0 0 2 1 0 1 64
1 "y"
0 
accelread 1 1 9.99999984307e+17 -9.99999984307e+17 0 2 1 0 1 64
1 1 
0 
H1reffrq 1 1 9.99999984307e+17 -9.99999984307e+17 0 2 1 0 1 64
1 199.749086033 
0 
B0 1 1 1000000 -1000000 0 2 1 0 1 64
1 46914.7026403 
0 
RMScurrentlimit 1 1 9.99999984307e+17 -9.99999984307e+17 0 2 1 0 1 64
1 70 
0 
accelphase 1 1 9.99999984307e+17 -9.99999984307e+17 0 2 1 0 1 64
1 1 
0 
acqdim 7 1 32767 0 0 2 1 0 1 64
1 2 
0 
acqcycles 1 1 9.99999984307e+17 -9.99999984307e+17 0 2 1 0 1 64
1 4 
0 
acqstatus 7 1 32767 0 0 2 1 256 1 64
2 101 0 
0 
acqpath 2 2 8 0 0 2 1 0 1 64
1 ""
0 
acqtype 2 2 0 0 0 2 1 1 1 64
1 ""
0 
adir2tmplt 2 2 8 0 0 2 1 0 1 64
1 ""
0 
addtheta 1 1 9.99999984307e+17 -9.99999984307e+17 0 2 1 0 1 64
1 0 
0 
actionid 2 2 8 0 0 2 1 0 1 64
1 "n008"
0 
addtagthk 1 1 9.99999984307e+17 -9.99999984307e+17 0 2 1 0 1 64
1 0 
0 
addthk 1 1 9.99999984307e+17 -9.99999984307e+17 0 2 1 0 1 64
1 0 
0 
adirtmplt 2 2 8 0 0 2 1 0 1 64
1 ""
0 
advancedRF 2 2 8 0 0 2 1 0 1 64
1 "n"
0 
ap 2 2 1023 0 0 4 1 6 1 64
12 "1:SAMPLE:date,file;"
"1:NUCLEUS:tn,sfrq:3,resto:1;"
"1:ACQUISITION:sw:1,at:3,np:0,nv:0,nt:0,gain:0,dp;"
"1:DELAYS:tr:4,te:4,tspoil:4;"
"1:RF PULSES:rfcoil,p1:1,p1pat,tpwr1:0;"
"1:GRADIENTS:gcoil,pilot,gro:3,gpe:3,gss:3,gror(pilot='n'):3,gssr(pilot='n'):3;"
"1:FIELD OF VIEW:orient,lro:2,lpe:2,pro:2;"
"2:SLICE SELECTION:ns:0,thk:2,pss:2;"
"2:DISPLAY:sp:1,wp:1,vs:0,sc:0,wc:0,hzmm:2,is:2,rfl:1,rfp:1,th:0,ins:3,aig*,dcg*,dmg*;"
"2:2D DISPLAY:sp1:1,wp1:1,sc2:0,wc2:0,rfl1:1,rfp1:1;"
"2:PROCESSING:lb(lb):2,sb(sb):3,sbs(sb):3,gf(gf):3,gfs(gf):3,awc(awc):3,lsfid(lsfid):0,phfid(phfid):1,fn:0,werr,wexp,wbs,wnt;"
"2:2D PROCESSING:lb1(lb1):2,sb1(sb1):3,sbs1(sb1):3,gf1(gf1):3,gfs1(gf1):3,awc1(awc1):3,fn1:0;"
0 
aipScanMenu 2 2 8 0 0 2 1 0 1 64
1 "fdf"
0 
aipFidMenu 2 2 8 0 0 2 1 0 1 64
1 "off"
0 
aipFDFMenu 2 2 8 0 0 2 1 0 1 64
1 "off"
0 
aipDir 2 2 8 0 0 2 1 0 1 64
1 ""
0 
aig 2 2 2 0 0 4 1 1 1 64
1 "ai"
2 "nm" "ai" 
aipFDF 2 2 8 0 0 2 1 0 1 64
1 ""
0 
aipFid 2 2 8 0 0 2 1 0 1 64
1 ""
0 
aipFDFtosq 2 2 8 0 0 2 1 0 1 64
1 ""
0 
aipPath 2 2 8 0 0 2 1 0 1 64
1 ""
0 
aipFormat 2 2 8 0 0 2 1 0 1 64
1 ""
0 
aipPTag 2 2 8 0 0 2 1 0 1 64
1 "n"
0 
aipRunTime 2 2 8 0 0 2 1 0 1 64
1 "dicom"
0 
aipScale 1 1 9.99999984307e+17 -9.99999984307e+17 0 3 1 0 1 64
1 1 
0 
alfa 6 1 13 13 13 2 1 8194 1 64
1 19.9999923706 
0 
aipStudyMenu 2 2 8 0 0 2 1 0 1 64
1 "off"
0 
aipStudy 2 2 8 0 0 2 1 0 1 64
1 ""
0 
aipSubdir 2 2 8 0 0 2 1 0 1 64
1 ""
0 
alock 2 2 8 0 0 2 1 0 1 64
1 "n"
5 "a" "n" "s" "u" "y" 
allvolumes 2 2 8 0 0 2 1 0 1 64
1 "y"
0 
altread 2 2 8 0 0 2 1 0 1 64
1 "y"
0 
anatomy 2 2 8 0 0 2 1 0 1 64
1 ""
0 
aqtm 3 1 14 14 14 2 1 8192 1 64
1 0.016896 
0 
approxt1 1 1 9.99999984307e+17 -9.99999984307e+17 0 2 1 0 1 64
1 1.5 
0 
appdirs 2 2 8 0 0 2 1 0 1 64
1 "/home/shurley/vnmrsys;/vnmr/imaging;/vnmr"
0 
apptype 2 2 0 0 0 2 1 1 1 64
1 "im2Depi"
0 
arraycycles 1 1 9.99999984307e+17 -9.99999984307e+17 0 2 1 256 1 64
1 1 
0 
array 2 2 256 0 0 2 1 1 1 64
1 "image"
0 
archivedir 2 2 8 0 0 2 1 0 1 64
1 ""
0 
arraydim 7 1 32768 1 1 2 1 5 1 64
1 4 
0 
awc2 1 1 10000 -10000 1e-06 3 1 1 1 64
1 0 
0 
asltype 2 2 8 0 0 2 1 0 1 64
1 "STAR"
0 
aslsge 2 2 8 0 0 2 1 0 1 64
1 "n"
0 
asl 2 2 8 0 0 2 1 0 1 64
1 "n"
0 
arraysize 1 1 9.99999984307e+17 -9.99999984307e+17 0 2 1 256 1 64
1 0 
0 
aslfov 1 1 9.99999984307e+17 -9.99999984307e+17 0 2 1 0 1 64
1 1 
0 
aslfovscale 1 1 9.99999984307e+17 -9.99999984307e+17 0 2 1 0 1 64
1 1 
0 
asltag 1 1 9.99999984307e+17 -9.99999984307e+17 0 2 1 0 1 64
1 0 
0 
asltest 2 2 8 0 0 2 1 0 1 64
1 "tc"
0 
avwdir 2 2 8 0 0 3 1 0 1 64
1 ""
0 
autooffset 4 2 0 0 0 2 1 0 1 64
1 "y"
0 
at 1 1 14 14 14 2 1 8203 1 64
1 0.004608 
0 
autoscale 1 1 9.99999984307e+17 -9.99999984307e+17 0 2 1 0 1 64
1 1 
0 
awc 1 1 10000 -10000 1e-06 3 1 1 0 64
1 0 
0 
awc1 1 1 10000 -10000 1e-06 3 1 1 0 64
1 0 
0 
bodycoil 2 2 8 0 0 2 1 0 1 64
1 "y"
0 
axisf 4 2 4 0 0 4 1 0 1 64
1 "s"
4 "m" "n" "s" "u" 
axis 4 2 4 0 0 4 1 0 1 64
1 "cc"
11 "c" "d" "1" "2" "3" "h" "k" "m" "n" "p" "u" 
awc3 1 1 10000 -10000 1e-06 3 1 1 1 64
1 0 
0 
birthday 2 2 8 0 0 3 1 0 1 64
4 ""
""
""
""
0 
b1max 1 1 9.99999984307e+17 -9.99999984307e+17 0 2 1 0 1 64
1 49620.3716787 
0 
b0delay 6 1 13 13 13 2 1 8192 1 64
1 0 
0 
blockslices 1 1 9.99999984307e+17 -9.99999984307e+17 0 2 1 0 1 64
1 0 
0 
bvalsp 1 1 9.99999984307e+17 -9.99999984307e+17 0 3 1 0 1 64
1 0 
0 
bvalpp 1 1 9.99999984307e+17 -9.99999984307e+17 0 3 1 0 1 64
1 0 
0 
bs 7 1 32767 0 1 2 1 0 1 64
1 1 
0 
boresize 1 1 1000000 -1000000 0 2 1 0 1 64
1 12 
0 
bvalrr 1 1 9.99999984307e+17 -9.99999984307e+17 0 3 1 0 1 64
1 0.0421103121 
0 
bvalrp 1 1 9.99999984307e+17 -9.99999984307e+17 0 3 1 0 1 64
1 0 
0 
bvalrs 1 1 9.99999984307e+17 -9.99999984307e+17 0 3 1 0 1 64
1 0 
0 
bvalue 1 1 9.99999984307e+17 -9.99999984307e+17 0 3 1 0 1 64
1 0.0421103121 
0 
bvalss 1 1 9.99999984307e+17 -9.99999984307e+17 0 3 1 0 1 64
1 0 
0 
celem 1 1 9.99999984307e+17 -9.99999984307e+17 0 2 1 0 1 64
1 4 
0 
bvalvs 1 1 9.99999984307e+17 -9.99999984307e+17 0 2 1 0 1 64
1 12.8820190578 
0 
cf 7 1 1000000 0 1 3 1 1 1 64
1 1 
0 
ddrfreq 1 1 9.99999984307e+17 -9.99999984307e+17 0 2 1 0 1 64
1 0 
0 
d3 3 1 14 14 14 2 1 8192 1 64
1 0.1 
0 
crf 1 1 9.99999984307e+17 -9.99999984307e+17 0 4 1 0 1 64
1 0 
0 
cp 2 2 1 0 0 2 1 0 1 64
1 "y"
2 "y" "n" 
comment 2 2 8 0 0 3 1 0 1 64
1 "Gradient Echo EPI 4-Shots"
0 
com$string 2 2 8 0 0 2 1 0 1 64
1 ""
0 
console 2 2 8 0 0 2 1 0 1 64
1 "vnmrs"
0 
cr 1 1 1000000000 -1000000000 0 4 1 1 1 64
1 1907.27574852 
0 
cppauseflg 4 2 4 0 0 4 1 0 1 64
1 "n"
0 
cr1 1 1 1000000000 -1000000000 0 4 1 3 1 64
1 0 
0 
cutoff 1 1 9.99999984307e+17 -9.99999984307e+17 0 4 1 0 0 64
1 200 
0 
ct 7 1 1000000000 0 1 2 1 6 1 64
1 1 
0 
cseg 2 2 8 0 0 2 1 0 1 64
1 "n"
0 
csegt1 1 1 9.99999984307e+17 -9.99999984307e+17 0 2 1 0 1 64
1 1.5 
0 
customflag 4 2 4 0 0 2 1 0 1 64
1 "n"
0 
currentlimit 1 1 9.99999984307e+17 -9.99999984307e+17 0 2 1 0 1 64
1 200 
0 
d2 3 1 14 14 14 2 1 8192 1 64
1 0 
0 
d1 3 1 14 14 14 2 1 8192 1 64
1 0 
0 
dcg 2 2 3 0 0 4 1 1 1 64
1 "cdc"
2 "dc" "cdc" 
dataProcessed 1 1 9.99999984307e+17 -9.99999984307e+17 0 3 1 0 1 64
1 0 
0 
d5 3 1 14 14 14 2 1 8192 1 64
1 0 
0 
d4 3 1 14 14 14 2 1 8192 1 64
1 0 
0 
date 2 2 9 0 0 2 1 1 1 64
1 "Oct 25 2012"
0 
dataid 2 2 8 0 0 2 1 0 1 64
1 ""
0 
datname 2 2 8 0 0 3 1 0 1 64
1 ""
0 
dcrmv 2 2 0 0 0 4 1 0 1 64
1 "y"
0 
dconi 2 2 0 0 0 4 1 0 1 64
1 "dcon,gray,linear"
0 
ddrcr 1 1 1000 2 0 2 1 0 1 64
1 35 
0 
ddrtc 6 1 100 0 0 2 1 0 1 64
1 0 
0 
ddrmaxcr 1 1 9.99999984307e+17 -9.99999984307e+17 0 2 1 0 1 64
1 35 
0 
ddrm1 7 1 1000 1 1 2 1 0 1 64
1 5 
0 
ddrfw2 1 1 9.99999984307e+17 -9.99999984307e+17 0 2 1 0 1 64
1 1 
0 
ddrfw1 1 1 9.99999984307e+17 -9.99999984307e+17 0 2 1 0 1 64
1 1 
0 
ddrm2 7 1 1000 1 1 2 1 0 1 64
1 1 
0 
ddrphase 1 1 9.99999984307e+17 -9.99999984307e+17 0 2 1 0 1 64
1 0 
0 
ddro2 1 1 9.99999984307e+17 -9.99999984307e+17 0 2 1 0 1 64
1 75 
0 
ddro1 1 1 9.99999984307e+17 -9.99999984307e+17 0 2 1 0 1 64
1 35 
0 
ddrsr 1 1 10000000 2500000 2500000 2 1 0 0 64
1 2500000 
0 
ddrscale 1 1 1000 1 0 2 1 0 0 64
1 1 
0 
ddrstages 7 1 2 0 1 2 1 0 0 64
1 1 
0 
decpat4 2 2 0 0 0 2 1 0 1 64
1 ""
0 
decpat 2 2 0 0 0 2 1 0 1 64
1 ""
0 
ddrx2 1 1 9.99999984307e+17 -9.99999984307e+17 0 2 1 0 1 64
1 0 
0 
ddrx1 1 1 9.99999984307e+17 -9.99999984307e+17 0 2 1 0 1 64
1 -0 
0 
debug 1 1 1 0 1 2 1 1 1 64
1 0 
0 
decpat2 2 2 0 0 0 2 1 0 1 64
1 ""
0 
decpat1 2 2 0 0 0 2 1 0 1 64
1 ""
0 
decpat3 2 2 0 0 0 2 1 0 1 64
1 ""
0 
deltaf 1 1 100 0 0 4 1 0 1 64
1 0 
0 
delta 1 1 5000000 0 0 4 1 1 1 64
1 0.000699736098021 
0 
decpat5 2 2 0 0 0 2 1 0 1 64
1 ""
0 
delacq 1 1 9.99999984307e+17 -9.99999984307e+17 0 2 1 0 1 64
1 1.55e-05 
0 
delta1 1 1 5000000 0 0 4 1 3 1 64
1 0 
0 
dfilldim 1 1 9.99999984307e+17 -9.99999984307e+17 0 2 1 0 1 64
1 5 
0 
dfill 2 2 8 0 0 2 1 0 1 64
1 "y"
0 
dfillloops 1 1 9.99999984307e+17 -9.99999984307e+17 0 2 1 0 1 64
1 1 
0 
dfillfrac 1 1 9.99999984307e+17 -9.99999984307e+17 0 2 1 0 1 64
1 0.55 
0 
dfrq 5 1 1000000000 -1000000000 0 2 1 8 1 64
1 50.2314566 
0 
dseq 2 2 8 0 0 2 1 0 1 64
1 ""
0 
dm 4 2 4 0 0 2 1 0 1 64
1 "nnn"
4 "a" "n" "s" "y" 
dgslice 2 2 0 0 0 4 1 6 1 64
5 "1(zero):label Slice&Voxel :zero;"
"1:SLICE PARAMETERS:ns:0,ne:0,thk:3,pro:3,ppe:3;"
"2:SLICE POSITION:[pss];"
"3:VOXEL SIZE:[vox1],,[vox2],,[vox3];"
"4:VOXEL POSITION:[pos1],,[pos2],,[pos3];"
0 
dgproc 2 2 0 0 0 4 1 6 1 64
7 "1(zero):label Processing :zero;"
"1:1D FFT:np:0,fn:0,;"
"1:2D FFT:nv:0,ni:0,nf:0,fn1:0,;"
"1:CURRENT IMAGE:slice:0,echo:0,element:0;"
"2:1D APODIZATION:lb:3,gf:3,gfs:3,sb:3,sbs:3,awc:3;"
"3:2D APODIZATION:lb1:3,gf1:3,gfs1:3,sb1:3,sbs1:3,awc2:3;"
"4:ACQ PROCESSING:werr,wexp,wnt,wbs;"
0 
dg2 2 2 8 0 0 4 1 4 1 64
6 "1:1st DECOUPLING:dfrq:3,dn,dpwr:0,dof:1,dm,dmm,dmf:0,dseq,dres:1,homo;"
"2(numrfch>2):2nd DECOUPLING:dfrq2:3,dn2,dpwr2:0,dof2:1,dm2,dmm2,dmf2:0,dseq2,dres2:1,homo2;"
"2(numrfch>3):3rd DECOUPLING:dfrq3:3,dn3,dpwr3:0,dof3:1,dseq3,dres3:1,homo3;"
"3(ni2):3D ACQUISITION:d3:3,sw2:1,ni2:0,phase2:0;"
"3(ni2):3D DISPLAY:rp2:1,lp2:1;"
"4(ni2):3D PROCESSING:lb2:3,sb2:3,sbs2(sb2):3,gf2:3,gfs2(gf2):3,awc2:3,wtfile2,proc2,fn2:0;"
0 
dg 2 2 0 0 0 4 1 6 1 64
9 "1:NUCLEUS:tn,sfrq:3,resto:1,;"
"1:ACQUISITION:sw:1,at:3,np:0,nv:0,nt:0,dp,;"
"1:DELAYS:tr:4,te:4;"
"2:RF PULSES:rfcoil,,p1:1,p1pat,tpwr1:0,;"
"2:RF SPOILING:rfspoil,rfphase:0;"
"3:GRADIENTS:gcoil,,gro:3,gpe:3,gss:3,,gspoil:3,rewind,;"
"3:FLOW PARAMETERS:dorient,pc,gflow:2,tflow:4;"
"4:FIELD OF VIEW:orient,lro:2,lpe:2,pro:2,;"
"4:SLICE SELECTION:ns:0,thk:2,pss:2;"
0 
dg1 2 2 0 0 0 4 1 6 1 64
12 "1:DISPLAY:sp:1,wp:1,sp1:1,wp1:1,vs:0,th:0;"
"1:REFERENCE:rfl:1,rfp:1,rfl1:1,rfp1:1;"
"1:PHASE:rp:1,lp:1,rp1:1,lp1:1;"
"2:PLOT SIZE:sc:1,wc:1,sc2:1,wc2:1;"
"2:PLOT OFFSETS:vp:1,vo:2,ho:2;"
"2:AXIS DISPLAY:axis,trace;"
"2:CURSORS:cr:1,delta:1,cr1:1,delta1:1;"
"3:INTEGRAL:intmod,is:0,ins:3,io:0,,lvl:3,tlt:3;"
"3:GRAY SCALE:graysl:3,grayctr:0;"
"3:FLAGS:aig*,dcg*,dmg*;"
"4:FID DISPLAY:sf:3,wf:3,vf:0,vpf:0,vpfi:0,lsfid:0,phfid:1,dotflag;"
"4:FID CURSORS:crf:3,deltaf:3;"
0 
dgfov 2 2 0 0 0 4 1 6 1 64
9 "1(zero):label FOV :zero;"
"1:FIELD OF VIEW:lro:3,lpe:3,lpe2:3,lpe3:3,fovunit,;"
"1:FOV POSITION:pro:3,ppe:3,pss:3,;"
"1:FOV BANDWIDTHS:sw:1,sw1:1,sw2:1,sw3:1;"
"2:FOV ORIENTATION:orient,psi:1,phi:1,theta:1,;"
"2:VOXEL ORIENTATION:vorient,vpsi:1,vphi:1,vtheta:1;"
"3:VOXEL POSITION:pos1:3,pos2:3,pos3:3,;"
"3:VOXEL SIZE:vox1:3,vox2:3,vox3:3,thkunit,;"
"4:ACQ CONTROL:seqcon,nD:0,ni:0,nf:0,cf:0,,ne:0,ns:0,,np:0,nv:0,nv2:0,nv3:0;"
0 
dgdelay 2 2 0 0 0 4 1 6 1 64
6 "1(zero):label Delays :zero;"
"1:SEQUENCE:at:3,tr:3,te:3,ti:3,tm:3,;"
"1:PHASE ENCODING:tpe:3,tpe2:3,tpe3:3;"
"2:GENERAL:d1:3,d2:3,d3:3,d4:3,d5:3,,tau:3,tau1:3,tau2:3;"
"3:CARDIAC GATING:ticks:0,hold:3,;"
"3:SPECIAL:trelax:3,tdelta:3,tDELTA:3,tflow:3,tspoil:3;"
0 
dggrad 2 2 0 0 0 4 1 6 1 64
9 "1(zero):label Gradients :zero;"
"1:COIL CALIBRATION:gcoil,gmax:3,trise:5,gradunit,boresize:1,B0:0,;"
"1:VOXEL SELECTION:gvox1:3,gvox2:3,gvox3:3;"
"2:READ OUT:gro:3,gror:3,;"
"2:PHASE ENCODE:gpe:3,gpe2:3,gpe3:3,gpemult:3,;"
"2:SLICE SELECT:gss:3,gss2:3,gss3:3,gssr:3;"
"3:GENERAL:g0:3,g1:3,g2:3,g3:3,g4:3,g5:3,,gx:3,gy:3,gz:3;"
"4:SPECIAL:gdiff:3,gflow:3,gspoil:3,gcrush:3,gtrim:3;"
"4:PATTERNS:gropat,gpepat,gsspat;"
0 
dgs 2 2 1023 0 0 4 1 6 1 64
4 "1:AXIAL SHIMS:z1c:0,z2c:0;"
"2:NON AXIAL SHIMS:x1:0,y1:0,xz:0,yz:0,xy:0,x2y2:0;"
"4:AUTOMATION:method,wshim,load,,spin:0,gain:0,alock,loc:0;"
"4:SPECIAL:temp;"
0 
dgpulse 2 2 0 0 0 4 1 6 1 64
10 "1(zero):label Pulses :zero;"
"1:OBS PULSE LENGTHS:p1:1,p2:1,p3:1,p4:1,p5:1,pw:1,pi:1,psat:1;"
"1:OBS PULSE PATTERNS:p1pat,p2pat,p3pat,p4pat,p5pat,pwpat,pipat,satpat;"
"2:OBS PULSE POWERS:tpwr1:0,tpwr2:0,tpwr3:0,tpwr4:0,tpwr5:0,tpwr,tpwri,satpwr:0;"
"2:OBS FREQUENCIES:tn,sfrq:3,tof:1,resto:1,wsfrq:1,satfrq:1;"
"2:OBS CALIBRATION:rfcoil;"
"3:DEC FREQUENCIES:dn,dfrq:3,dof:1;"
"3:DEC CONTROL:dm,dmm,dmf;"
"3:DEC POWERS:dpwr1:0,dpwr2:0,dpwr3:0,dpwr4:0,dpwr5:0,dpwr:0;"
"4:DEC PULSE PATTERNS:decpat,decpat1,decpat2,decpat3,decpat4,decpat5;"
0 
dgseq 2 2 0 0 0 4 1 6 1 64
10 "1(zero):label Sequence :zero;"
"1:SEQUENCE NAME:seqfil,pslabel,;"
"1:SEQUENCE TYPE:nD:0,exptype,;"
"1:LOOP CONTROL:seqcon,acqtype;"
"2:ACTIVE PULSES:[plist],;"
"2:ACTIVE PATTERNS:[patlist];"
"3:ACTIVE POWERS:[pwrlist],;"
"3:ACTIVE POWERFS:[pwrflist],;"
"3:FLIP ANGLES:[fliplist];"
"4:CONJUGATE GRAD:[sslist];"
0 
dimY 2 2 8 0 0 2 1 0 1 64
1 "lro"
0 
dhp 1 1 9 9 9 2 1 8192 0 64
1 20 
0 
dgtarg 2 2 0 0 0 4 1 6 1 64
9 "1(zero):label Target :zero;"
"1:VOXEL POSITION:t_pos1:3,t_pos2:3,t_pos3:3,;"
"1:VOXEL SIZE:t_vox1:3,t_vox2:3,t_vox3:3,;"
"1:VOXEL ORIENT:t_vpsi:1,t_vphi:1,t_vtheta:1,;"
"1:ARRAY STRING:t_array;"
"2:FIELD OF VIEW:t_lro:3,t_lpe:3,t_lpe2:3,t_lpe3:3,;"
"2:FOV POSITION:t_pro:3,t_ppe:3,t_ppe2:3,t_ppe3:3,;"
"2:ORIENTATION:t_psi:1,t_phi:1,t_theta:1;"
"3:SLICE POSITION:t_ns:0,t_thk:1,t_gap:1,,[t_pss];"
0 
diffscheme 2 2 8 0 0 2 1 0 1 64
1 "zero_gf"
0 
diff 2 2 8 0 0 2 1 0 1 64
1 "n"
0 
dimX 2 2 8 0 0 2 1 0 1 64
1 "lpe"
0 
displaymode 4 2 9.99999984307e+17 -9.99999984307e+17 0 4 1 0 1 64
1 "ir"
6 "r" "i" "a" "e" "z" "s" 
disCmd 2 2 8 0 0 4 1 0 1 64
1 "aipRedisplay"
0 
dimZ 2 2 8 0 0 2 1 0 1 64
1 "lpe2"
0 
dlp 7 1 10 10 10 2 1 8194 0 64
1 20 
0 
dof2 5 1 16 16 16 2 1 8202 1 64
1 0 
0 
dn 2 2 4 0 0 2 1 8 1 64
1 "C13"
0 
dmg 2 2 2 0 0 4 1 3 1 64
1 "av"
0 
dmf 7 1 11 11 11 2 1 8194 1 64
1 200 
0 
dm2 4 2 4 0 0 2 1 0 1 64
1 "n"
4 "a" "n" "s" "y" 
dmf2 7 1 2000000 1 0 2 1 2 1 64
1 200 
0 
dmm 4 2 4 0 0 2 1 0 1 64
1 "c"
9 "c" "f" "g" "m" "p" "r" "u" "w" "x" 
dmg1 2 2 8 0 0 4 1 0 1 64
1 "av1"
4 "" "av1" "ph1" "pwr1" 
dmm2 4 2 4 0 0 2 1 0 1 64
1 "c"
9 "c" "f" "g" "m" "p" "r" "u" "w" "x" 
dod 3 1 14 14 14 2 1 8194 1 64
1 0.00999999977648 
0 
dn2 2 2 8 0 0 2 1 8 1 64
1 ""
0 
dof 5 1 8 8 8 2 1 8202 1 64
1 0 
0 
dpwr 1 1 9 9 9 2 1 8192 1 64
1 30 
0 
dp 2 2 1 0 0 2 1 0 1 64
1 "y"
2 "y" "n" 
dotflag 2 2 8 0 0 4 1 0 1 64
1 "n"
2 "n" "y" 
dorient 2 2 8 0 0 2 1 8 1 64
1 "orient"
8 "trans" "cor" "sag" "x" "y" "z" "orient" "oblique" 
dphi 1 1 1000000 -1000000 0 2 1 8 1 64
1 0 
0 
dpe 1 1 9.99999984307e+17 -9.99999984307e+17 0 2 1 8 1 64
1 0 
0 
dpeSave 1 1 9.99999984307e+17 -9.99999984307e+17 0 2 1 256 1 64
1 0 
0 
dpsi 1 1 1000000 -1000000 0 2 1 8 1 64
1 0 
0 
dpwr4 1 1 9 9 9 2 1 8192 1 64
1 0 
0 
dpwr2 1 1 9 9 9 2 1 8192 1 64
1 0 
0 
dpwr1 1 1 9 9 9 2 1 8192 1 64
1 0 
0 
dpwr3 1 1 9 9 9 2 1 8192 1 64
1 0 
0 
dres 7 1 360 1 0 2 1 0 1 64
1 1 
0 
dpwr5 1 1 9 9 9 2 1 8192 1 64
1 0 
0 
dreffrq 1 1 9.99999984307e+17 -9.99999984307e+17 0 2 1 0 1 64
1 50.2269476327 
0 
dro 1 1 9.99999984307e+17 -9.99999984307e+17 0 2 1 8 1 64
1 0 
0 
dres2 7 1 360 1 0 2 1 0 1 64
1 1 
0 
droSave 1 1 9.99999984307e+17 -9.99999984307e+17 0 2 1 256 1 64
1 0 
0 
fb 7 1 6 6 6 2 1 8203 1 64
1 24000 
0 
endvol 1 1 9.99999984307e+17 -9.99999984307e+17 0 2 1 0 1 64
1 1 
0 
dw 1 1 1 4e-07 4e-07 2 1 0 1 64
1 4e-06 
0 
dstart 1 1 9.99999984307e+17 -9.99999984307e+17 0 2 1 0 1 64
1 0 
0 
dsl 1 1 9.99999984307e+17 -9.99999984307e+17 0 2 1 8 1 64
1 0 
0 
dseq2 2 2 8 0 0 2 1 0 1 64
1 ""
0 
dslSave 1 1 9.99999984307e+17 -9.99999984307e+17 0 2 1 256 1 64
1 0 
0 
dtag 1 1 9.99999984307e+17 -9.99999984307e+17 0 2 1 0 1 64
1 0.12 
0 
dtheta 1 1 1000000 -1000000 0 2 1 8 1 64
1 0 
0 
ec 7 1 32767 0 0 3 1 0 1 64
1 1 
0 
dwlast 1 1 1 4e-07 4e-07 2 1 0 1 64
1 4e-06 
0 
editText 7 1 32767 0 0 3 1 0 1 64
1 0 
0 
echo 7 1 32767 0 0 3 1 0 1 64
1 1 
0 
element 7 1 32767 0 0 3 1 0 1 64
1 1 
0 
execprep 2 2 8 0 0 4 1 0 1 64
1 "im2Depi('prep')"
0 
episw 1 1 9.99999984307e+17 -9.99999984307e+17 0 2 1 0 1 64
1 250000 
0 
epiarray 2 2 8 0 0 2 1 0 1 64
1 ""
0 
epi_pc 2 2 8 0 0 2 1 0 1 64
1 "TRIPLE"
0 
epi 2 2 8 0 0 2 1 0 1 64
1 "y"
0 
epiref_type 2 2 8 0 0 2 1 0 1 64
1 "fulltriple"
0 
esp 1 1 9.99999984307e+17 -9.99999984307e+17 0 2 1 0 1 64
1 0.00032 
0 
eqnoise 2 2 8 0 0 2 1 0 1 64
1 "n"
0 
execinit 2 2 8 0 0 2 1 0 1 64
1 "im2Depi('init')"
0 
etl 1 1 9.99999984307e+17 -9.99999984307e+17 0 2 1 0 1 64
1 16 
0 
execplot 2 2 8 0 0 4 1 0 1 64
1 ""
0 
expargs 2 2 8 0 0 2 1 0 1 64
1 ""
0 
execprocess 2 2 8 0 0 4 1 0 1 64
1 "im2Depi('proc')"
0 
execprescan 2 2 8 0 0 4 1 0 1 64
1 "im2Depi('prescan')"
0 
execsetup 2 2 8 0 0 4 1 0 1 64
1 "im2Depi('prep')"
0 
exptype 2 2 0 0 0 2 1 1 1 64
1 ""
0 
exppath 2 2 8 0 0 2 1 0 1 64
1 "/vnmr/acqqueue/acq/exp1.shurley.vnmr1_1351198129_213285"
0 
f1coef 2 2 8 0 0 3 1 1 1 64
1 ""
0 
flipir 3 1 1 0 100000 2 1 8192 1 64
1 180 
0 
filter 7 1 1000000000 0 1 2 1 2 1 64
1 54.0999984741 
0 
fidid 2 2 8 0 0 2 1 0 1 64
1 ""
0 
fdfdir 2 2 8 0 0 3 1 0 1 64
1 ""
0 
fdffile 2 2 8 0 0 3 1 0 1 64
1 ""
0 
file 2 2 6 0 0 2 1 3 1 64
1 "exp"
0 
flip2 3 1 1 0 100000 2 1 8192 1 64
1 180 
0 
flip1 3 1 1 0 100000 2 1 8192 1 64
1 90 
0 
flipfsat 3 1 1 0 100000 2 1 8192 1 64
1 90 
0 
fn 7 1 524288 2 2 3 1 1 0 64
1 256 
0 
flipsat 3 1 1 0 100000 2 1 8192 1 64
1 90 
0 
flipps 1 1 9.99999984307e+17 -9.99999984307e+17 0 2 1 0 1 64
1 90 
0 
flipmt 3 1 1 0 100000 2 1 8192 1 64
1 900 
0 
flipq2 1 1 9.99999984307e+17 -9.99999984307e+17 0 2 1 0 1 64
1 90 
0 
flipsge 1 1 9.99999984307e+17 -9.99999984307e+17 0 2 1 0 1 64
1 20 
0 
flipscale 1 1 9.99999984307e+17 -9.99999984307e+17 0 2 1 256 1 64
3 0.394444 0.502222 1 
0 
fliptag 1 1 9.99999984307e+17 -9.99999984307e+17 0 2 1 0 1 64
1 180 
0 
foldnp 7 1 10000000 4 4 2 1 0 1 64
1 128 
0 
fn1 7 1 524288 2 2 3 1 1 0 64
1 256 
0 
fovcon 1 1 1000000 -1000000 0 2 1 0 1 64
1 0 
0 
foldnv 7 1 10000000 2 2 2 1 0 1 64
1 64 
0 
gss2 1 1 1000 -1000 0 2 1 0 1 64
1 10 
0 
gpat3 2 2 0 0 0 2 1 0 1 64
1 ""
0 
gf1 1 1 10000 -10000 1e-06 3 1 1 0 64
1 0.01 
0 
g4 1 1 1000 -1000 0 2 1 0 1 64
1 0 
0 
fsatpat 2 2 0 0 0 2 1 0 1 64
1 "sinc"
0 
fpmult1 1 1 1000000000 0 0 3 2 0 0 64
1 0.5 
0 
fpmult 1 1 1000000000 0 0 3 1 0 0 64
1 1 
0 
fovunit 2 2 0 0 0 2 1 8 1 64
1 ""
0 
fsatfrq 5 1 8 8 8 2 1 8192 1 64
1 -1513.2 
0 
fsat 4 2 0 0 0 2 1 0 1 64
1 "n"
0 
g1 1 1 1000 -1000 0 2 1 0 1 64
1 0 
0 
g0 1 1 1000 -1000 0 2 1 0 1 64
1 0 
0 
ftproc 1 1 9.99999984307e+17 -9.99999984307e+17 0 3 1 256 1 64
2 1 0 
0 
g2crushq2 1 1 9.99999984307e+17 -9.99999984307e+17 0 2 1 0 1 64
1 0 
0 
g2 1 1 1000 -1000 0 2 1 0 1 64
1 0 
0 
g3 1 1 1000 -1000 0 2 1 0 1 64
1 0 
0 
gcrushir 1 1 1000 -1000 0 2 1 0 1 64
1 5 
0 
gcoil 2 2 8 0 0 2 1 9 1 64
1 "205_120_HD"
0 
gain 1 1 60 0 2 2 1 0 1 64
1 10 
0 
g5 1 1 1000 -1000 0 2 1 0 1 64
1 0 
0 
g_squared 1 1 9.99999984307e+17 -9.99999984307e+17 0 2 1 0 1 64
1 0 
0 
gap 1 1 9.99999984307e+17 -9.99999984307e+17 0 2 1 0 1 64
1 0 
0 
gcrushfs 1 1 1000 -1000 0 2 1 0 1 64
1 2 
0 
gcrush 1 1 1000 -1000 0 2 1 0 1 64
1 5 
0 
gdiff 1 1 1000 -1000 0 2 1 8 1 64
1 19.7008653099 
0 
gcrushsat 1 1 1000 -1000 0 2 1 0 1 64
1 5 
0 
gcrushps 1 1 9.99999984307e+17 -9.99999984307e+17 0 2 1 0 1 64
1 5 
0 
gcrushmt 1 1 1000 -1000 0 2 1 0 1 64
1 5 
0 
gcrushq2 1 1 9.99999984307e+17 -9.99999984307e+17 0 2 1 0 1 64
1 5 
0 
gcrushtag 1 1 9.99999984307e+17 -9.99999984307e+17 0 2 1 0 1 64
1 5 
0 
gender 2 2 8 0 0 3 1 0 1 64
1 ""
0 
gf 1 1 1000 0 1e-05 3 1 1 0 64
1 0.01 
0 
gfs3 1 1 10000 -10000 1e-06 3 1 1 1 64
1 0 
0 
gflow 1 1 1000 -1000 0 2 1 0 1 64
1 0 
0 
gf3 1 1 10000 -10000 1e-06 3 1 1 1 64
1 0 
0 
gf2 1 1 10000 -10000 1e-06 3 1 1 1 64
1 0 
0 
gf_factor 1 1 9.99999984307e+17 -9.99999984307e+17 0 2 1 0 1 64
1 10 
0 
gfs1 1 1 10000 -10000 1e-06 3 1 1 0 64
1 0 
0 
gfs 1 1 1000 -1000 1e-05 3 1 1 0 64
1 0 
0 
gfs2 1 1 10000 -10000 1e-06 3 1 1 1 64
1 0 
0 
gpat 2 2 0 0 0 2 1 0 1 64
1 ""
0 
gmax 1 1 1000 -1000 0 2 1 0 1 64
1 40 
0 
glimpe 1 1 9.99999984307e+17 -9.99999984307e+17 0 2 1 0 1 64
1 100 
0 
glim 1 1 100 10 1e-06 2 1 0 1 64
1 100 
0 
go_id 2 2 8 0 0 2 1 7 1 64
1 "exp1.shurley.vnmr1_1351198129_213285"
0 
go_Options 2 2 8 0 0 2 1 7 1 64
4 "au"
"sync"
"vp"
"noop"
0 
goid 2 2 8 0 0 2 1 0 1 64
4 "/vnmr/acqqueue/exp1.shurley.vnmr1_1351198129_213285"
"shurley"
"1"
"exp1"
0 
gpat2 2 2 0 0 0 2 1 0 1 64
1 ""
0 
gpat1 2 2 0 0 0 2 1 0 1 64
1 ""
0 
gradunit 2 2 0 0 0 2 1 8 1 64
1 ""
0 
gpepat 2 2 0 0 0 2 1 0 1 64
1 ""
0 
gpe3 1 1 1000 -1000 0 2 1 0 1 64
1 0 
0 
gpe2 1 1 1000 -1000 0 2 1 0 1 64
1 0 
0 
gpe 1 1 1000 -1000 0 2 1 0 1 64
1 7.3396301148 
0 
gpemult 1 1 1 0 0 2 1 0 1 64
1 0 
0 
gradcon 1 1 1000 -1000 0 2 1 0 1 64
1 0 
0 
gpropdelay 6 1 13 13 13 2 1 8192 1 64
1 64 
0 
gper 1 1 9.99999984307e+17 -9.99999984307e+17 0 2 1 0 1 64
1 21.3516512431 
0 
gradtitle 2 2 0 0 0 4 1 3 1 64
1 ""
0 
gradstepsz 1 1 9.99999984307e+17 -9.99999984307e+17 0 2 1 0 1 64
1 32767 
0 
grof 1 1 9.99999984307e+17 -9.99999984307e+17 0 2 1 0 1 64
1 1 
0 
gro 1 1 1000 -1000 0 2 1 0 1 64
1 14.6792602296 
0 
graysl 1 1 100 -100 0.01 4 1 3 1 64
1 1 
0 
grayctr 1 1 64 0 1 4 1 3 1 64
1 32 
0 
grid 2 2 8 0 0 2 1 0 1 64
1 "n"
0 
grocalc_min 1 1 9.99999984307e+17 -9.99999984307e+17 0 2 1 0 1 64
1 1.2 
0 
grocalc 2 2 8 0 0 2 1 0 1 64
1 "sw"
0 
grocalc_mm 1 1 9.99999984307e+17 -9.99999984307e+17 0 2 1 0 1 64
1 3 
0 
grocalc_ppm 1 1 9.99999984307e+17 -9.99999984307e+17 0 2 1 0 1 64
1 3.3 
0 
gror 1 1 1000 -1000 0 2 1 0 1 64
1 21.6852707938 
0 
gropat 2 2 0 0 0 2 1 0 1 64
1 ""
0 
gspoil 1 1 1000 -1000 0 2 1 0 1 64
1 5 
0 
grora 1 1 9.99999984307e+17 -9.99999984307e+17 0 2 1 0 1 64
1 1 
0 
gss 1 1 1000 -1000 0 2 1 0 1 64
1 6.9802817204 
0 
io 1 1 500 -500 0.1 4 1 1 1 64
1 20 
0 
hst 3 1 0.02 0 2.5e-08 2 1 2 1 64
1 0.00800000037998 
0 
gy 1 1 1000 -1000 0 2 1 0 1 64
1 0 
0 
gvox2 1 1 1000 -1000 0 2 1 0 1 64
1 0 
0 
gssr 1 1 1000 -1000 0 2 1 0 1 64
1 39.3222536916 
0 
gssir 1 1 9.99999984307e+17 -9.99999984307e+17 0 2 1 0 1 64
1 11.7434081837 
0 
gssf 1 1 9.99999984307e+17 -9.99999984307e+17 0 2 1 0 1 64
1 1 
0 
gsspat 2 2 0 0 0 2 1 0 1 64
1 ""
0 
gtrim 1 1 1000 -1000 0 2 1 0 1 64
1 0 
0 
gtagcrush 1 1 1000 -1000 0 2 1 0 1 64
1 15 
0 
gvox1 1 1 1000 -1000 0 2 1 0 1 64
1 0 
0 
gx 1 1 1000 -1000 0 2 1 0 1 64
1 0 
0 
gvox3 1 1 1000 -1000 0 2 1 0 1 64
1 0 
0 
gvs 1 1 9.99999984307e+17 -9.99999984307e+17 0 2 1 0 1 64
1 10 
0 
gxmax 1 1 9.99999984307e+17 -9.99999984307e+17 0 2 1 0 1 64
1 40 
0 
gxdelay 6 1 13 13 13 2 1 8192 1 64
1 0 
0 
ho 1 1 500 -500 0 4 1 1 1 64
1 -16.5394736842 
0 
hdof 5 1 7 7 7 2 1 8194 1 64
1 0 
0 
gz 1 1 1000 -1000 0 2 1 0 1 64
1 0 
0 
gymax 1 1 9.99999984307e+17 -9.99999984307e+17 0 2 1 0 1 64
1 40 
0 
gydelay 6 1 13 13 13 2 1 8192 1 64
1 0 
0 
gzmax 1 1 9.99999984307e+17 -9.99999984307e+17 0 2 1 0 1 64
1 40 
0 
gzdelay 6 1 13 13 13 2 1 8192 1 64
1 0 
0 
hdpwr 7 1 49 -16 1 2 1 2 1 64
1 1 
0 
height 1 1 9.9e+17 0 0.001 3 1 0 1 64
1 0 
0 
homo2 4 2 4 0 0 2 1 0 1 64
1 "n"
2 "n" "y" 
hold 3 1 14 14 14 2 1 8192 1 64
1 0 
0 
homo 2 2 8 0 0 2 1 8 1 64
1 "n"
2 "n" "y" 
hs 4 2 4 0 0 2 1 0 1 64
1 "nn"
2 "n" "y" 
imRE 2 2 8 0 0 2 1 0 1 64
1 "n"
0 
imIR 2 2 8 0 0 2 1 0 1 64
1 "n"
0 
il 2 2 1 0 0 2 1 0 1 64
1 "n"
2 "y" "n" 
hzmm 1 1 1000000000 -1000000000 0 4 1 11 1 64
1 555.547078451 
0 
ident 2 2 8 0 0 3 1 0 1 64
1 ""
0 
imIM 2 2 8 0 0 2 1 0 1 64
1 "n"
0 
imGF 2 2 8 0 0 2 1 0 1 64
1 "y"
0 
imMK 2 2 8 0 0 2 1 0 1 64
1 "n"
0 
imMG 2 2 8 0 0 2 1 0 1 64
1 "n"
0 
imPH 2 2 8 0 0 2 1 0 1 64
1 "n"
0 
in 4 2 1 0 0 2 1 0 1 64
1 "n"
3 "n" "w" "y" 
imRS 2 2 8 0 0 2 1 0 1 64
1 "y"
0 
imRMK 2 2 8 0 0 2 1 0 1 64
1 "n"
0 
imRF 2 2 8 0 0 2 1 0 1 64
1 "n"
0 
image 1 1 10000 -4 1 2 1 0 1 64
4 0 -2 -1 1 
0 
imSM 2 2 8 0 0 2 1 0 1 64
1 "n"
0 
imSGE 2 2 8 0 0 2 1 0 1 64
1 "n"
0 
images 7 1 100000 1 1 2 1 0 1 64
1 1 
0 
ins2 1 1 9.99999984307e+17 -9.99999984307e+17 0 4 1 0 1 64
1 1 
0 
initaread 1 1 9.99999984307e+17 -9.99999984307e+17 0 2 1 0 1 64
1 1 
0 
initaphase 1 1 9.99999984307e+17 -9.99999984307e+17 0 2 1 0 1 64
1 1 
0 
ins 3 1 8190 0 1e-07 4 1 3 1 64
1 1 
0 
insref 1 1 9.99999984307e+17 -9.99999984307e+17 0 4 1 0 1 64
1 1 
0 
ins2ref 1 1 9.99999984307e+17 -9.99999984307e+17 0 4 1 0 0 64
1 1 
0 
intmod 2 2 8 0 0 4 1 0 1 64
1 "off"
3 "off" "partial" "full" 
interLocks 2 2 8 0 0 2 1 0 1 64
1 "nnnn"
0 
investigator 2 2 8 0 0 2 1 0 1 64
1 ""
0 
lsfid 7 1 64000 -64000 1 3 1 0 0 64
1 0 
0 
lb1 1 1 10000 -10000 1e-06 3 1 1 0 64
1 0.01 
0 
irsequential 1 1 9.99999984307e+17 -9.99999984307e+17 0 2 1 0 1 64
1 0 
0 
iplanMarking 1 1 9.99999984307e+17 -9.99999984307e+17 0 4 1 0 1 64
1 0 
0 
iplanDefaultType 1 1 9.99999984307e+17 -9.99999984307e+17 0 2 1 0 1 64
1 0 
0 
iplanDefaultSize 1 1 9.99999984307e+17 -9.99999984307e+17 0 2 1 0 1 64
1 5 
0 
iplanDefaultNs 1 1 9.99999984307e+17 -9.99999984307e+17 0 2 1 0 1 64
1 5 
0 
iplanDefaultThk 1 1 9.99999984307e+17 -9.99999984307e+17 0 2 1 0 1 64
1 10 
0 
iplanDefaultVoxSize 1 1 9.99999984307e+17 -9.99999984307e+17 0 2 1 0 1 64
1 10 
0 
ir 4 2 0 0 0 2 1 0 1 64
1 "n"
0 
iplanType 1 1 9.99999984307e+17 -9.99999984307e+17 0 2 1 0 1 64
1 0 
0 
layout 2 2 8 0 0 4 1 0 1 64
1 "epip"
0 
is 1 1 1000000000 1e-06 0 4 1 3 1 64
1 500 
0 
kzero 1 1 9.99999984307e+17 -9.99999984307e+17 0 2 1 0 1 64
1 8 
0 
lb 1 1 10000 -10000 1e-06 3 1 1 0 64
1 0.01 
0 
load 2 2 4 0 0 2 1 3 1 64
1 "n"
2 "y" "n" 
liamp 1 1 1000000000 0 0 4 1 0 0 64
1 0 
0 
lb3 1 1 10000 -10000 1e-06 3 1 1 1 64
1 0 
0 
lb2 1 1 10000 -10000 1e-06 3 1 1 1 64
1 0 
0 
lcpeak_ 7 1 32767 0 0 2 1 32768 1 64
1 0 
0 
llamp 1 1 1000000000 0 0 4 1 0 0 64
1 0 
0 
lifrq 1 1 1000000000 -1000000000 0 4 1 0 0 64
1 0 
0 
linearsamp 2 2 8 0 0 2 1 0 1 64
1 "n"
0 
llfrq 1 1 1000000000 -1000000000 0 4 1 0 0 64
1 0 
0 
lp 1 1 1000000 -1000000 0 3 1 3 1 64
1 0 
0 
lockphase_ 1 1 360 0 1 2 1 65552 1 64
1 0 
0 
lockfreq_ 5 1 160 0 1e-07 2 1 9 1 64
1 30.6627 
0 
loc_ 7 1 12 12 12 2 1 8201 0 64
1 0 
0 
lockgain_ 1 1 48 0 1 2 1 65552 1 64
1 0 
0 
lockpower_ 1 1 68 0 1 2 1 65552 1 64
1 0 
0 
lpe 1 1 100 0.2 0 2 1 0 1 64
1 4 
0 
lp1 1 1 1000000 -1000000 0 3 1 3 1 64
1 0 
0 
lpe3 1 1 1000000 -1000000 0 2 1 0 1 64
1 0 
0 
lpe2 1 1 1000000 -1000000 0 2 1 0 1 64
1 0 
0 
lro 1 1 100 0.2 0 2 1 0 1 64
1 4 
0 
masklb1 1 1 9.99999984307e+17 -9.99999984307e+17 0 2 1 0 1 64
1 0 
0 
maskfn 7 1 32767 0 0 2 1 0 1 64
1 0 
0 
lsfrq1 1 1 9.99999984307e+17 -9.99999984307e+17 0 3 1 0 0 64
1 0 
0 
lsfrq 1 1 9.99999984307e+17 -9.99999984307e+17 0 3 1 0 0 64
1 0 
0 
lsfid1 1 1 9.99999984307e+17 -9.99999984307e+17 0 2 1 0 0 64
1 0 
0 
maskallslices 2 2 8 0 0 2 1 0 1 64
1 "y"
0 
lvl 1 1 1000000000 -1000000000 0 4 1 1 1 64
1 0 
0 
lss 1 1 1000000 -1000000 0 2 1 0 1 64
1 0 
0 
macro 2 2 6 0 0 3 1 3 1 64
1 ""
0 
maskendslice 1 1 9.99999984307e+17 -9.99999984307e+17 0 2 1 0 1 64
1 1 
0 
maskeqnoise 2 2 8 0 0 2 1 0 1 64
1 "n"
0 
maskgf1 1 1 9.99999984307e+17 -9.99999984307e+17 0 2 1 0 1 64
1 0.03 
0 
maskgf 1 1 9.99999984307e+17 -9.99999984307e+17 0 2 1 0 1 64
1 0.03 
0 
maskfn1 7 1 32767 0 0 2 1 0 1 64
1 0 
0 
masklb 1 1 9.99999984307e+17 -9.99999984307e+17 0 2 1 0 1 64
1 0 
0 
masksb1 1 1 9.99999984307e+17 -9.99999984307e+17 0 2 1 0 1 64
1 0 
0 
maskpage 2 2 8 0 0 2 1 0 1 64
1 "n"
0 
masklvlmode 2 2 8 0 0 2 1 0 1 64
1 "noise"
0 
masklvlmax 1 1 9.99999984307e+17 -9.99999984307e+17 0 2 1 0 1 64
1 0 
0 
masklvlnoisefrac 1 1 9.99999984307e+17 -9.99999984307e+17 0 2 1 0 1 64
1 0.05 
0 
masklvlnoise 1 1 9.99999984307e+17 -9.99999984307e+17 0 2 1 0 1 64
1 30 
0 
masknoisefrac 1 1 9.99999984307e+17 -9.99999984307e+17 0 2 1 0 1 64
1 0.05 
0 
maskrcvrs 1 1 9.99999984307e+17 -9.99999984307e+17 0 2 1 0 1 64
1 2 
0 
maskparfile 2 2 8 0 0 2 1 0 1 64
1 ""
0 
masksb 1 1 9.99999984307e+17 -9.99999984307e+17 0 2 1 0 1 64
1 0 
0 
math 2 2 1 0 0 3 1 3 1 64
1 "i"
3 "d" "f" "i" 
maskwlb 2 2 8 0 0 2 1 0 1 64
1 "n"
0 
maskstartslice 1 1 9.99999984307e+17 -9.99999984307e+17 0 2 1 0 1 64
1 1 
0 
maskwgf 2 2 8 0 0 2 1 0 1 64
1 "y"
0 
maskwsb 2 2 8 0 0 2 1 0 1 64
1 "n"
0 
method 2 2 6 0 0 2 1 3 1 64
1 "z1z2"
0 
mcoil 1 1 9.99999984307e+17 -9.99999984307e+17 0 4 1 0 1 64
1 1 
0 
max_bval 1 1 9.99999984307e+17 -9.99999984307e+17 0 2 1 0 1 64
1 0.0421103121 
0 
minte 4 2 0 0 0 2 1 0 1 64
1 "y"
0 
minsgete 2 2 8 0 0 2 1 0 1 64
1 "y"
0 
minplatnp 1 1 8192 2 2 2 1 0 1 64
1 50 
0 
minsgetr 2 2 8 0 0 2 1 0 1 64
1 "y"
0 
minti1 2 2 8 0 0 2 1 0 1 64
1 "n"
0 
minti 2 2 8 0 0 2 1 0 1 64
1 "n"
0 
minti2 2 2 8 0 0 2 1 0 1 64
1 "n"
0 
sp 1 1 1000000000 -1000000000 0 4 1 3 1 64
1 4.8828125 
0 
protocols 2 2 8 0 0 3 1 0 1 64
1 ""
0 
parversion 1 1 9.99999984307e+17 -9.99999984307e+17 0 2 1 4 1 64
1 5.1 
0 
ni 1 1 1000000 0 1 2 1 1 1 64
1 1 
0 
mtpat 2 2 0 0 0 2 1 0 1 64
1 "sinc"
0 
mrfb 1 1 256000 1000 1000 2 1 256 0 64
1 0 
0 
mppe 1 1 9.99999984307e+17 -9.99999984307e+17 0 2 1 256 1 64
1 0 
0 
mlro 1 1 9.99999984307e+17 -9.99999984307e+17 0 4 1 0 1 64
1 0 
0 
mlpe2 1 1 9.99999984307e+17 -9.99999984307e+17 0 4 1 0 1 64
1 0 
0 
mlpe 1 1 9.99999984307e+17 -9.99999984307e+17 0 4 1 0 1 64
1 0 
0 
mphi 2 2 8 0 0 4 1 0 1 64
1 ""
0 
modules 2 2 8 0 0 2 1 1 1 64
1 ""
0 
mpsi 2 2 8 0 0 4 1 0 1 64
1 ""
0 
mpro 1 1 9.99999984307e+17 -9.99999984307e+17 0 2 1 256 1 64
1 0 
0 
mpss 1 1 9.99999984307e+17 -9.99999984307e+17 0 2 1 256 1 64
1 0 
0 
mtcfrq 5 1 8 8 8 2 1 8192 1 64
1 2000 
0 
mstack 1 1 9.99999984307e+17 -9.99999984307e+17 0 4 1 0 1 64
1 0 
0 
mrgain 1 1 60 0 2 2 1 256 0 64
1 0 
0 
mt 4 2 0 0 0 2 1 0 1 64
1 "n"
0 
mtheta 2 2 8 0 0 4 1 0 1 64
1 ""
0 
mtfrq 5 1 8 8 8 2 1 8192 1 64
1 2000 
0 
mthk 1 1 9.99999984307e+17 -9.99999984307e+17 0 4 1 0 1 64
1 0 
0 
navigator 2 2 8 0 0 2 1 0 1 64
1 "y"
0 
nD 1 1 1000000 0 1 2 1 9 1 64
1 2 
0 
n1 2 2 0 0 0 3 1 0 1 64
1 ""
0 
mtpwr 1 1 17 17 17 2 1 8192 1 64
1 56 
0 
n2 2 2 0 0 0 3 1 0 1 64
1 ""
0 
n3 2 2 0 0 0 3 1 0 1 64
1 ""
0 
nav_echo 7 1 32767 0 0 2 1 0 1 64
1 1 
0 
name 2 2 8 0 0 3 1 0 1 64
1 ""
0 
nav_type 2 2 8 0 0 2 1 0 1 64
1 "pointwise"
0 
nbvalSave 1 1 9.99999984307e+17 -9.99999984307e+17 0 2 1 0 1 64
1 0 
0 
nbval 1 1 9.99999984307e+17 -9.99999984307e+17 0 2 1 0 1 64
1 0 
0 
nbdirsSave 1 1 9.99999984307e+17 -9.99999984307e+17 0 2 1 0 1 64
1 0 
0 
nbdirs 1 1 9.99999984307e+17 -9.99999984307e+17 0 2 1 0 1 64
1 0 
0 
nblocks 7 1 32767 0 0 2 1 0 1 64
1 1 
0 
nbval0 1 1 9.99999984307e+17 -9.99999984307e+17 0 2 1 0 1 64
1 1 
0 
ne 1 1 1000000 0 1 2 1 9 1 64
1 1 
0 
nbzero 1 1 9.99999984307e+17 -9.99999984307e+17 0 2 1 0 1 64
1 0 
0 
nbzeroSave 1 1 9.99999984307e+17 -9.99999984307e+17 0 2 1 0 1 64
1 0 
0 
nf 1 1 1000000 0 1 2 1 1 1 64
1 16 
0 
newplatnp 1 1 9.99999984307e+17 -9.99999984307e+17 0 2 1 0 1 64
1 64 
0 
nt 7 1 1000000000 1 1 2 1 2 1 64
1 1 
0 
nnav 1 1 9.99999984307e+17 -9.99999984307e+17 0 2 1 0 1 64
1 1 
0 
niftipage 2 2 8 0 0 2 1 0 1 64
1 "n"
0 
nifticycle 7 1 32767 0 0 2 1 0 1 64
1 1 
0 
nifti 2 2 8 0 0 2 1 0 1 64
1 "n"
0 
ni3 7 1 32767 0 0 2 1 0 1 64
1 1 
0 
ni2 7 1 32767 0 0 2 1 0 1 64
1 1 
0 
niftiauto 2 2 8 0 0 2 1 0 1 64
1 "y"
0 
niftifile 2 2 8 0 0 2 1 0 1 64
1 "nii"
0 
nifticyclebak 7 1 32767 0 0 2 1 0 1 64
1 1 
0 
niftifiles 7 1 32767 0 0 2 1 0 1 64
1 1 
0 
niftitslice 1 1 9.99999984307e+17 -9.99999984307e+17 0 2 1 0 1 64
1 1 
0 
niftitime 2 2 8 0 0 2 1 0 1 64
1 "n"
0 
niftit 1 1 9.99999984307e+17 -9.99999984307e+17 0 2 1 0 1 64
1 1 
0 
niftitoffset 1 1 9.99999984307e+17 -9.99999984307e+17 0 2 1 0 1 64
1 0 
0 
niiMG 2 2 8 0 0 2 1 0 1 64
1 "n"
0 
niiIM 2 2 8 0 0 2 1 0 1 64
1 "n"
0 
niftivols 7 1 32767 0 0 2 1 0 1 64
1 1 
0 
niiIR 2 2 8 0 0 2 1 0 1 64
1 "n"
0 
niiRE 2 2 8 0 0 2 1 0 1 64
1 "n"
0 
niiPH 2 2 8 0 0 2 1 0 1 64
1 "n"
0 
nlevel 1 1 9.99999984307e+17 -9.99999984307e+17 0 2 1 0 1 64
1 1 
0 
nq2p 1 1 9.99999984307e+17 -9.99999984307e+17 0 2 1 0 1 64
1 5 
0 
np 7 1 10000000 32 2 2 1 11 1 64
1 4608 
0 
noisematrix 2 2 8 0 0 2 1 0 1 64
1 "n"
0 
notebook 2 2 8 0 0 2 1 0 1 64
1 ""
0 
nphase 1 1 9.99999984307e+17 -9.99999984307e+17 0 2 1 0 1 64
1 64 
0 
nps 1 1 9.99999984307e+17 -9.99999984307e+17 0 2 1 0 1 64
1 2 
0 
ns 1 1 1000000 0 1 2 1 9 1 64
1 4 
0 
nread 1 1 9.99999984307e+17 -9.99999984307e+17 0 2 1 0 1 64
1 128 
0 
nrefs 1 1 9.99999984307e+17 -9.99999984307e+17 0 2 1 0 1 64
1 3 
0 
nsblock 1 1 9.99999984307e+17 -9.99999984307e+17 0 2 1 0 1 64
1 1 
0 
nsat 1 1 1000000 0 1 2 1 1 1 64
1 1 
0 
nsgeps 1 1 9.99999984307e+17 -9.99999984307e+17 0 2 1 0 1 64
1 0 
0 
nseg 1 1 9.99999984307e+17 -9.99999984307e+17 0 2 1 0 1 64
1 4 
0 
nsges 1 1 9.99999984307e+17 -9.99999984307e+17 0 2 1 0 1 64
1 0 
0 
p2 6 1 13 13 13 2 1 8192 1 64
1 1600 
0 
orient 2 2 0 0 0 2 1 8 1 64
1 "trans"
14 "trans" "sag" "cor" "oblique" "3orthogonal" "xyz" "xzy" "yxz" "yzx" "zxy" "zyx" "sag90" "cor90" "trans90" 
nv2 1 1 1000000 0 1 2 1 9 1 64
1 0 
0 
nv 1 1 1000000 0 1 2 1 9 1 64
1 0 
0 
nti 1 1 9.99999984307e+17 -9.99999984307e+17 0 2 1 0 1 64
1 8 
0 
nvols 1 1 9.99999984307e+17 -9.99999984307e+17 0 2 1 0 1 64
1 1 
0 
nv3 1 1 1000000 0 1 2 1 9 1 64
1 0 
0 
onetag 1 1 9.99999984307e+17 -9.99999984307e+17 0 2 1 0 1 64
1 0 
0 
operator_ 2 2 128 0 0 2 1 4 1 64
1 "shurley"
0 
p1 6 1 13 13 13 2 1 8192 1 64
1 2000 
0 
orient2 2 2 0 0 0 2 1 0 1 64
1 ""
0 
oversample 1 1 9.99999984307e+17 -9.99999984307e+17 0 2 1 0 1 64
1 2 
0 
p1pat 2 2 0 0 0 2 1 0 1 64
1 "SGLsinc"
0 
p1pars 1 1 9.99999984307e+17 -9.99999984307e+17 0 2 1 256 1 64
6 0.4 2972 5 1 0 0 
0 
p5 6 1 13 13 13 2 1 8192 1 64
1 0 
0 
p3pat 2 2 0 0 0 2 1 0 1 64
1 ""
0 
p2pat 2 2 0 0 0 2 1 0 1 64
1 "SGLsinc"
0 
p2pars 1 1 9.99999984307e+17 -9.99999984307e+17 0 2 1 256 1 64
6 0.4 2938.75 5 0 0 0 
0 
p3 6 1 13 13 13 2 1 8192 1 64
1 0 
0 
p4 6 1 13 13 13 2 1 8192 1 64
1 0 
0 
p4pat 2 2 0 0 0 2 1 0 1 64
1 ""
0 
page 2 2 8 0 0 2 1 0 1 64
1 ""
0 
pad 3 1 14 14 14 2 1 8194 1 64
1 0 
0 
p5pat 2 2 0 0 0 2 1 0 1 64
1 ""
0 
paramChanged 1 1 9.99999984307e+17 -9.99999984307e+17 0 2 1 0 1 64
1 0 
0 
parstyle_ 2 2 8 0 0 4 1 0 1 64
1 "ppa"
0 
planValue 2 2 8 0 0 2 1 0 1 64
1 "standard getTransverse"
0 
phfid 1 1 3600 -3600 0.1 3 1 0 0 64
1 0 
0 
petable 2 2 0 0 0 2 1 1 1 64
1 "n"
0 
perewind 2 2 8 0 0 2 1 0 1 64
1 "n"
0 
peblock 1 1 9.99999984307e+17 -9.99999984307e+17 0 2 1 0 1 64
1 1 
0 
pfsat 6 1 20000 0 100 2 1 0 1 64
1 8000 
0 
petramp 1 1 9.99999984307e+17 -9.99999984307e+17 0 2 1 0 1 64
1 3.2e-05 
0 
phase 7 1 4 0 1 2 1 0 1 64
1 0 
0 
pi 6 1 20000 0 0.0125 2 1 0 1 64
1 4000 
0 
phi 1 1 1000000 -1000000 0 2 1 8 1 64
1 0 
0 
phfid1 1 1 3600 -3600 0.1 3 1 0 0 64
1 0 
0 
phi2 1 1 1000000 -1000000 0 2 1 0 1 64
1 0 
0 
pipat 2 2 0 0 0 2 1 0 1 64
1 "HS-AFP"
0 
pilot 4 2 0 0 0 2 1 0 1 64
1 "y"
0 
pipars 1 1 9.99999984307e+17 -9.99999984307e+17 0 2 1 256 1 64
6 0.4 5000 0 1 5.929444 2649.146183 
0 
planSs 1 1 9.99999984307e+17 -9.99999984307e+17 0 4 1 0 1 64
1 1 
0 
pkpick_ 2 2 8 0 0 4 1 0 1 64
1 ""
0 
ppe 1 1 1000000 -1000000 0 2 1 0 1 64
1 8.94069671631e-07 
0 
pos1 1 1 1000000 -1000000 0 2 1 0 1 64
1 0 
0 
pltmod 2 2 8 0 0 4 1 0 1 64
1 "off"
5 "off" "fixed" "full" "variable" "user" 
platnpmin 2 2 8 0 0 2 1 0 1 64
1 "y"
0 
platnp 1 1 9.99999984307e+17 -9.99999984307e+17 0 2 1 0 1 64
1 50 
0 
plist 2 2 0 0 0 3 1 0 1 64
5 "p1"
"pmt"
"psat"
"pfsat"
"pi"
0 
pmt 6 1 20000 0 0 2 1 0 1 64
1 10000 
0 
pmode 2 2 8 0 0 3 1 0 1 64
1 "partial"
0 
posY 2 2 8 0 0 2 1 0 1 64
1 "pro"
0 
pos3 1 1 1000000 -1000000 0 2 1 0 1 64
1 1 
0 
pos2 1 1 1000000 -1000000 0 2 1 0 1 64
1 0 
0 
posX 2 2 8 0 0 2 1 0 1 64
1 "ppe"
0 
position1 2 2 8 0 0 3 1 0 1 64
1 ""
0 
posZ 2 2 8 0 0 2 1 0 1 64
1 "pss0"
0 
position2 2 2 8 0 0 3 1 0 1 64
1 ""
0 
prescribed 2 2 8 0 0 2 1 0 1 64
1 "y"
0 
pq2 6 1 13 13 13 2 1 8192 1 64
1 2000 
0 
ppe3 1 1 1000000 -1000000 0 2 1 0 1 64
1 0 
0 
ppe2 1 1 1000000 -1000000 0 2 1 0 1 64
1 0 
0 
ppspars 1 1 9.99999984307e+17 -9.99999984307e+17 0 2 1 256 1 64
6 0.4 2972 5 1 1.762231 5298.292366 
0 
pps 6 1 13 13 13 2 1 8192 1 64
1 2000 
0 
preacq 6 1 13 13 13 2 1 8192 0 64
1 0 
0 
pq2pars 1 1 9.99999984307e+17 -9.99999984307e+17 0 2 1 256 1 64
6 0.4 2972 5 1 1.762231 5298.292366 
0 
prescan 2 2 8 0 0 3 1 0 1 64
10 ""
"Not done"
"Not done"
"Not done"
"off"
"off"
""
"on"
"on"
""
0 
proc 2 2 10 0 0 3 1 1 1 64
1 "ft"
0 
priority 7 1 32768 0 1 2 1 0 1 64
1 5 
0 
presig 4 2 0 0 0 2 1 0 1 64
1 "l"
3 "h" "l" "n" 
printNM 2 2 8 0 0 2 1 0 1 64
1 "n"
0 
pro 1 1 1000000 -1000000 0 2 1 0 1 64
1 0.327511936426 
0 
probe_ 2 2 8 0 0 2 1 8 1 64
1 ""
0 
procdim 7 1 32767 0 0 3 1 0 1 64
1 0 
0 
proc1 2 2 10 0 0 3 2 1 1 64
1 "ft"
0 
proccmd 2 2 8 0 0 3 1 7 1 64
1 ""
0 
profile 4 2 0 0 0 2 1 0 1 64
1 "n"
0 
processid 1 1 9.99999984307e+17 -9.99999984307e+17 0 2 1 0 1 64
1 0 
0 
rfspoil 4 2 0 0 0 2 1 0 1 64
1 "n"
0 
radialShift 1 1 9.99999984307e+17 -9.99999984307e+17 0 4 1 0 1 64
1 0 
0 
pw90 6 1 13 13 13 2 1 8194 1 64
1 19.9999866486 
0 
pslabel 2 2 8 0 0 2 1 11 1 64
1 "epip"
0 
psi 1 1 1000000 -1000000 0 2 1 8 1 64
1 0 
0 
psat 6 1 13 13 13 2 1 8192 1 64
1 2000 
0 
ps 2 2 8 0 0 2 1 0 1 64
1 "y"
0 
psatpars 1 1 9.99999984307e+17 -9.99999984307e+17 0 2 1 256 1 64
6 0.4 2972 5 1 0 0 
0 
psi2 1 1 1000000 -1000000 0 2 1 0 1 64
1 0 
0 
ptag 6 1 20000 0 0 2 1 0 1 64
1 8000 
0 
pss0 1 1 9.99999984307e+17 -9.99999984307e+17 0 2 1 0 1 64
1 3.3842792511 
0 
pss 1 1 1000000 -1000000 0 2 1 264 1 64
4 3.23427915573 3.33427929878 3.43427920341 3.53427934647 
0 
pspat 2 2 8 0 0 2 1 0 1 64
1 "SGLsinc"
0 
pstpwr 1 1 9.99999984307e+17 -9.99999984307e+17 0 2 1 0 1 64
1 49 
0 
psthk 1 1 9.99999984307e+17 -9.99999984307e+17 0 2 1 0 1 64
1 1 
0 
pstpwrf 1 1 9.99999984307e+17 -9.99999984307e+17 0 2 1 0 1 64
1 4063 
0 
ptagpars 1 1 9.99999984307e+17 -9.99999984307e+17 0 2 1 256 1 64
6 0.4 2000 5 1 4.743555 1324.573091 
0 
pw 6 1 13 13 13 2 1 8192 1 64
1 100 
0 
r1 1 1 1e+17 -1e+17 0 3 1 0 1 64
1 -0.2 
0 
q2thk 1 1 9.99999984307e+17 -9.99999984307e+17 0 2 1 0 1 64
1 2 
0 
q2pat 2 2 8 0 0 2 1 0 1 64
1 "SGLsinc"
0 
pwpat 2 2 0 0 0 2 1 0 1 64
1 ""
0 
q2rf 2 2 8 0 0 2 1 0 1 64
1 "y"
0 
q2tips 2 2 8 0 0 2 1 0 1 64
1 "y"
0 
q2time 1 1 9.99999984307e+17 -9.99999984307e+17 0 2 1 0 1 64
1 0.015124 
0 
r5 1 1 1e+17 -1e+17 0 3 1 0 1 64
1 0 
0 
r3 1 1 1e+17 -1e+17 0 3 1 0 1 64
1 20 
0 
r2 1 1 1e+17 -1e+17 0 3 1 0 1 64
1 104166.666667 
0 
r4 1 1 1e+17 -1e+17 0 3 1 0 1 64
1 0 
0 
r7 1 1 1e+17 -1e+17 0 3 1 0 1 64
1 0 
0 
r6 1 1 1e+17 -1e+17 0 3 1 0 1 64
1 0 
0 
radialAngles 1 1 9.99999984307e+17 -9.99999984307e+17 0 4 1 0 1 64
1 361 
0 
reffrq1 1 1 9.99999984307e+17 -9.99999984307e+17 0 4 1 0 1 64
1 299.491712453 
0 
rcvrwt 1 1 9.99999984307e+17 -9.99999984307e+17 0 2 1 256 1 64
1 1 
0 
rawPH 2 2 8 0 0 2 1 0 1 64
1 "n"
0 
rawIM 2 2 8 0 0 2 1 0 1 64
1 "n"
0 
rampsamp 2 2 8 0 0 2 1 0 1 64
1 "y"
0 
rampnp 1 1 9.99999984307e+17 -9.99999984307e+17 0 2 1 0 1 64
1 7 
0 
raw 2 2 8 0 0 2 1 0 1 64
1 ""
0 
rawIR 2 2 8 0 0 2 1 0 1 64
1 "n"
0 
rawMG 2 2 8 0 0 2 1 0 1 64
1 "n"
0 
rcvrout 2 2 8 0 0 2 1 0 1 64
1 ""
0 
rawRE 2 2 8 0 0 2 1 0 1 64
1 "n"
0 
rc 7 1 32767 0 0 3 1 0 1 64
1 1 
0 
rcvrs 4 2 4 0 0 2 1 1 1 64
1 "y"
2 "n" "y" 
recon_force 1 1 9.99999984307e+17 -9.99999984307e+17 0 2 1 0 1 64
1 0 
0 
recon 2 2 8 0 0 2 1 0 1 64
1 "external"
0 
readstretch 1 1 9.99999984307e+17 -9.99999984307e+17 0 2 1 0 1 64
1 0 
0 
ref1 5 1 1000000000 -1000000000 0 3 1 0 1 64
1 0 
0 
ref 5 1 1000000000 -1000000000 0 3 1 0 1 64
1 0 
0 
reffrq 1 1 9.99999984307e+17 -9.99999984307e+17 0 4 1 0 1 64
1 199.74832 
0 
resto 5 1 8 8 8 2 1 8192 1 64
1 -766 
0 
refpos1 1 1 9.99999984307e+17 -9.99999984307e+17 0 4 1 0 0 64
1 0 
0 
refnv 7 1 10000000 32 2 2 1 0 1 64
1 64 
0 
reflb 1 1 9.99999984307e+17 -9.99999984307e+17 0 2 1 0 0 64
1 0.01 
0 
refgf 1 1 9.99999984307e+17 -9.99999984307e+17 0 2 1 0 0 64
1 0.01 
0 
refnp 7 1 10000000 32 2 2 1 0 1 64
1 128 
0 
refpc 2 2 8 0 0 2 1 0 1 64
1 "y"
0 
refpos 1 1 9.99999984307e+17 -9.99999984307e+17 0 4 1 0 0 64
1 0 
0 
refsource1 2 2 8 0 0 4 1 0 1 64
1 "sfrq"
0 
refsb 1 1 9.99999984307e+17 -9.99999984307e+17 0 2 1 0 0 64
1 0.01 
0 
reqsw 1 1 9.99999984307e+17 -9.99999984307e+17 0 2 1 0 1 64
1 833333.333333 
0 
rfl1 1 1 1000000000 -1000000000 0 4 1 1 1 64
1 938.514774833 
0 
rfcoil 2 2 8 0 0 2 1 0 1 64
1 "Mouse_Quad"
0 
rfband 4 2 4 0 0 2 1 0 1 64
1 "cc"
3 "c" "h" "l" 
rfl 1 1 1000000000 -1000000000 0 4 1 1 1 64
1 124690.153249 
0 
rfp1 1 1 1000000000 -1000000000 0 4 1 1 1 64
1 0 
0 
rfovof 1 1 9.99999984307e+17 -9.99999984307e+17 0 2 1 0 1 64
1 0 
0 
rfl2 1 1 10000 -10000 1e-06 3 1 1 1 64
1 0 
0 
rfp 1 1 1000000000 -1000000000 0 4 1 1 1 64
1 0 
0 
rfphase 1 1 1000000 -1000000 0 2 1 0 1 64
1 0 
0 
rfp2 1 1 10000 -10000 1e-06 3 1 1 1 64
1 0 
0 
sbs1 1 1 10000 -10000 1e-06 3 1 1 0 64
1 0 
0 
satfrq 5 1 8 8 8 2 1 8192 1 64
1 0 
0 
rp1 1 1 3600 -3600 0.1 4 1 3 1 64
1 0 
0 
rof3 6 1 13 13 13 2 1 8192 1 64
1 2 
0 
rof1 6 1 13 13 13 2 1 8194 1 64
1 12 
0 
rmapread 1 1 9.99999984307e+17 -9.99999984307e+17 0 2 1 0 1 64
1 1 
0 
rmapphase 1 1 9.99999984307e+17 -9.99999984307e+17 0 2 1 0 1 64
1 1 
0 
rof2 6 1 13 13 13 2 1 8194 1 64
1 12 
0 
rotramp 1 1 9.99999984307e+17 -9.99999984307e+17 0 2 1 0 1 64
1 6e-05 
0 
ropad 1 1 0.004 0 4e-06 2 1 0 1 64
1 0 
0 
rollout 1 1 1 0 1 2 1 1 1 64
1 1 
0 
rotatefov 2 2 8 0 0 2 1 0 1 64
1 "n"
0 
rp 1 1 3600 -3600 0.1 4 1 3 1 64
1 0 
0 
samplename 2 2 8 0 0 2 1 0 1 64
1 ""
0 
rstadj 1 1 9.99999984307e+17 -9.99999984307e+17 0 2 1 0 1 64
1 0 
0 
rsm0adj 1 1 10 -1 0 2 1 0 1 64
1 0 
0 
rseg 2 2 8 0 0 2 1 0 1 64
1 "n"
0 
sample 2 2 8 0 0 2 1 1 1 64
1 ""
0 
sar 1 1 9.99999984307e+17 -9.99999984307e+17 0 2 1 256 1 64
2 0 0 
0 
sat 4 2 0 0 0 2 1 0 1 64
1 "n"
0 
satthk 1 1 1000000 -1000000 0 2 1 256 1 64
1 5 
0 
satpwr 1 1 17 17 17 2 1 8192 1 64
1 50 
0 
satpat 2 2 0 0 0 2 1 0 1 64
1 "SGLsinc"
0 
satorient 2 2 8 0 0 2 1 0 1 64
1 "cor"
0 
satpos 1 1 1000000 -1000000 0 2 1 0 1 64
1 0 
0 
satpwrf 7 1 0 4095 1 2 1 8192 1 64
1 3766 
0 
sb2 1 1 10000 -10000 1e-06 3 1 1 1 64
1 0 
0 
sb 1 1 10000 -10000 1e-06 3 1 1 0 64
1 0.01 
0 
saveglobal_ 2 2 8 0 0 3 1 0 1 64
19 "probe"
"lcpeak"
"loc"
"lockpower"
"lockgain"
"lockphase"
"lockfreq"
"z0"
"lkof"
"vloc"
"vrack"
"vzone"
"vproto"
"pkpick"
"parstyle"
"operator"
"studyid"
"systemname"
"probetype"
0 
sb1 1 1 10000 -10000 1e-06 3 1 1 0 64
1 0.01 
0 
sb_factor 1 1 9.99999984307e+17 -9.99999984307e+17 0 2 1 0 1 64
1 50 
0 
sb3 1 1 10000 -10000 1e-06 3 1 1 1 64
1 0 
0 
sbs 1 1 10000 -10000 1e-06 3 1 1 0 64
1 0 
0 
sgldisplay 7 1 32767 0 0 2 1 0 1 64
1 0 
0 
seqfil 2 2 8 0 0 2 1 11 1 64
1 "epip"
0 
sdirtmplt 2 2 8 0 0 2 1 0 1 64
1 ""
0 
scantime 2 2 8 0 0 2 1 0 1 64
1 "1m:5s"
0 
sc2 1 1 3 3 3 4 1 8195 1 64
1 0 
0 
sbs3 1 1 10000 -10000 1e-06 3 1 1 1 64
1 0 
0 
sbs2 1 1 10000 -10000 1e-06 3 1 1 1 64
1 0 
0 
sc 1 1 1 1 1 4 1 8195 1 64
1 7 
0 
scans 2 2 8 0 0 3 1 0 1 64
1 ""
0 
scaleseg 1 1 9.99999984307e+17 -9.99999984307e+17 0 3 1 0 1 64
1 1 
0 
scoutpath 2 2 8 0 0 2 1 0 1 64
1 "/home/shurley/vnmrsys/data/s_2012102501/01.img"
0 
scoutnodes 2 2 8 0 0 2 1 0 1 64
1 ""
0 
scoutpaths 2 2 8 0 0 2 1 0 1 64
1 "/home/shurley/vnmrsys/data/s_2012102501/01.img"
0 
senseref 2 2 8 0 0 2 1 0 1 64
1 ""
0 
segtr 1 1 9.99999984307e+17 -9.99999984307e+17 0 2 1 0 1 64
1 0.015 
0 
segtc 2 2 8 0 0 2 1 0 1 64
1 "y"
0 
sense 2 2 8 0 0 2 1 0 1 64
1 "n"
0 
senserefselect 2 2 8 0 0 2 1 0 1 64
1 ""
0 
senserefdir 2 2 8 0 0 2 1 0 1 64
1 ""
0 
seqcon 2 2 0 0 0 2 1 9 1 64
1 "ncnnn"
0 
sensestatus 2 2 8 0 0 2 1 0 1 64
1 "vcoilref"
0 
sgepars 1 1 9.99999984307e+17 -9.99999984307e+17 0 2 1 256 1 64
6 0.4 2972 5 1 0 0 
0 
sfrq 1 1 1000000000 0 0 2 1 11 1 64
1 199.74832 
0 
sf1 1 1 9.99999984307e+17 -9.99999984307e+17 0 4 1 0 1 64
1 0 
0 
sf 1 1 8190 0 1e-07 4 1 3 1 64
1 4e-06 
0 
sgecentric 2 2 8 0 0 2 1 0 1 64
1 "y"
0 
sgete 1 1 9.99999984307e+17 -9.99999984307e+17 0 2 1 0 1 64
1 0.0017220125 
0 
sgeref 2 2 8 0 0 2 1 0 1 64
1 "n"
0 
sgepreps 2 2 8 0 0 2 1 0 1 64
1 "n"
0 
sgepelist 1 1 9.99999984307e+17 -9.99999984307e+17 0 2 1 256 1 64
64 0 -1 1 -2 2 -3 3 -4 4 -5 5 -6 6 -7 7 -8 8 -9 9 -10 10 -11 11 -12 12 -13 13 -14 14 -15 15 -16 16 -17 17 -18 18 -19 19 -20 20 -21 21 -22 22 -23 23 -24 24 -25 25 -26 26 -27 27 -28 28 -29 29 -30 30 -31 31 -32 
0 
sgesw 1 1 9.99999984307e+17 -9.99999984307e+17 0 2 1 0 1 64
1 96153.8461538 
0 
sgetr 1 1 9.99999984307e+17 -9.99999984307e+17 0 2 1 0 1 64
1 0.0135360125 
0 
sgetpwr 1 1 9.99999984307e+17 -9.99999984307e+17 0 2 1 0 1 64
1 13 
0 
sgetpwrf 1 1 9.99999984307e+17 -9.99999984307e+17 0 2 1 0 1 64
1 4079 
0 
sglabort 7 1 2 0 0 2 1 0 1 64
1 1 
0 
sglarray 7 1 32767 0 0 2 1 0 1 64
1 0 
0 
smapnoisefrac 1 1 9.99999984307e+17 -9.99999984307e+17 0 2 1 0 1 64
1 0.05 
0 
showtest 2 2 8 0 0 2 1 0 1 64
1 "otcqq"
0 
show_adv 7 1 32767 0 0 2 1 0 1 64
1 0 
0 
showAdvOptions 1 1 9.99999984307e+17 -9.99999984307e+17 0 2 1 0 1 64
1 0 
0 
shims 2 2 8 0 0 2 1 0 1 64
1 ""
0 
shimpanel 7 1 32767 0 0 2 1 0 1 64
1 1 
0 
show 2 2 8 0 0 2 1 0 1 64
1 ""
0 
showOptions 7 1 32767 0 0 4 1 0 1 64
1 0 
0 
showPreOptions 7 1 32767 0 0 2 1 0 1 64
1 0 
0 
show_rf 7 1 32767 0 0 2 1 0 1 64
1 0 
0 
show_grad 7 1 32767 0 0 2 1 0 1 64
1 0 
0 
showps 2 2 8 0 0 2 1 0 1 64
1 "y"
0 
showq2 2 2 8 0 0 2 1 0 1 64
1 "y"
0 
slprofile 4 2 4 0 0 2 1 0 1 64
1 "y"
0 
slice 1 1 1000000 0 1 3 1 9 1 64
1 1 
0 
sl 7 1 32767 0 0 3 1 0 1 64
1 1 
0 
slices 2 2 8 0 0 3 1 0 1 64
1 "single"
0 
sliceorder 7 1 32767 0 0 4 1 0 1 64
1 0 
0 
smapgf1 1 1 9.99999984307e+17 -9.99999984307e+17 0 2 1 0 1 64
1 0.05 
0 
smapgf 1 1 9.99999984307e+17 -9.99999984307e+17 0 2 1 0 1 64
1 0.05 
0 
smapeqnoise 2 2 8 0 0 2 1 0 1 64
1 "n"
0 
smaplb1 1 1 9.99999984307e+17 -9.99999984307e+17 0 2 1 0 1 64
1 0 
0 
smaplb 1 1 9.99999984307e+17 -9.99999984307e+17 0 2 1 0 1 64
1 0 
0 
smapmask 2 2 8 0 0 2 1 0 1 64
1 "parameters"
0 
smapwgf 2 2 8 0 0 2 1 0 1 64
1 "y"
0 
smapref 2 2 8 0 0 2 1 0 1 64
1 ""
0 
smappage 2 2 8 0 0 2 1 0 1 64
1 "n"
0 
smapsb 1 1 9.99999984307e+17 -9.99999984307e+17 0 2 1 0 1 64
1 0 
0 
smapsb1 1 1 9.99999984307e+17 -9.99999984307e+17 0 2 1 0 1 64
1 0 
0 
sn 1 1 1e+18 -1e+18 0 3 1 1 1 64
1 0 
0 
smapwlb 2 2 8 0 0 2 1 0 1 64
1 "n"
0 
smapwsb 2 2 8 0 0 2 1 0 1 64
1 "n"
0 
solvent 2 2 6 0 0 2 1 11 1 64
1 "none"
0 
snrpenalty 1 1 9.99999984307e+17 -9.99999984307e+17 0 2 1 0 1 64
1 41.9297044289 
0 
sorient 2 2 0 0 0 2 1 0 1 64
1 "cor"
0 
tpe 3 1 14 14 14 2 1 8192 1 64
1 6.4e-05 
0 
t_pos2 1 1 1000000 -1000000 0 3 1 0 1 64
1 0 
0 
sw 1 1 10000000 100 0 2 1 11 1 64
1 500000 
0 
ss 7 1 32767 -32768 0 2 1 0 1 64
1 0 
0 
spin 1 1 39 0 1 2 1 0 0 64
1 0 
0 
sp1 1 1 1000000000 -1000000000 0 4 1 3 1 64
1 0 
0 
sphi 1 1 1000000 -1000000 0 2 1 256 1 64
1 0 
0 
spostitle 2 2 0 0 0 4 1 3 1 64
1 ""
0 
spinecho 2 2 8 0 0 2 1 0 1 64
1 "n"
0 
spinThresh 1 1 9.99999984307e+17 -9.99999984307e+17 0 2 1 0 1 64
1 80 
0 
spoilflag 2 2 8 0 0 2 1 0 1 64
1 "n"
0 
spsi 1 1 1000000 -1000000 0 2 1 256 1 64
1 0 
0 
sreffrq 1 1 9.99999984307e+17 -9.99999984307e+17 0 2 1 0 1 64
1 199.749086033 
0 
startvol 1 1 9.99999984307e+17 -9.99999984307e+17 0 2 1 0 1 64
1 1 
0 
sslist 2 2 0 0 0 3 1 0 1 64
5 "gss"
"n"
"gsat"
"n"
"gss2"
0 
ssc 1 1 1000000 -1000000 1 2 1 1 1 64
1 0 
0 
ss_o 7 1 32767 0 0 2 1 0 1 64
1 0 
0 
startti 1 1 9.99999984307e+17 -9.99999984307e+17 0 2 1 0 1 64
1 0.01 
0 
study 2 2 8 0 0 3 1 0 1 64
1 ""
0 
stheta 1 1 1000000 -1000000 0 2 1 256 1 64
1 90 
0 
svftmplt 2 2 8 0 0 2 1 0 1 64
1 ""
0 
studyid_ 2 2 8 0 0 2 1 0 1 64
1 "s_2012102501"
0 
sviblist 2 2 8 0 0 2 1 0 1 64
1 "dro,dpe,dsl,bvalue"
0 
t_lpe 1 1 1000000 -1000000 0 3 1 0 1 64
1 0 
0 
tDELTA 3 1 14 14 14 2 1 8192 1 64
1 0.012 
0 
sw2 1 1 2000000 0 0 2 1 0 1 64
1 0 
0 
sw1 1 1 2000000 0 0 2 1 0 1 64
1 2496.723051 
0 
sw3 1 1 2000000 0 0 2 1 0 1 64
1 0 
0 
t2crushq2 1 1 9.99999984307e+17 -9.99999984307e+17 0 2 1 0 1 64
1 0 
0 
t_dgvox 2 2 0 0 0 4 1 0 1 64
1 ""
0 
t_array 2 2 0 0 0 3 1 1 1 64
1 ""
0 
t_gap 1 1 1000000 -1000000 0 3 1 0 1 64
1 0 
0 
t_mark 1 1 1000000 -1000000 0 3 1 0 1 64
1 0 
0 
t_lpe3 1 1 1000000 -1000000 0 3 1 0 1 64
1 0 
0 
t_lpe2 1 1 1000000 -1000000 0 3 1 0 1 64
1 0 
0 
t_lro 1 1 1000000 -1000000 0 3 1 0 1 64
1 0 
0 
t_phi 1 1 1000000 -1000000 0 3 1 0 1 64
1 0 
0 
t_ns 1 1 1000000 0 1 3 1 1 1 64
1 1 
0 
t_pos1 1 1 1000000 -1000000 0 3 1 0 1 64
1 0 
0 
tcrushir 3 1 14 14 14 2 1 8192 1 64
1 0.001 
0 
t_vtheta 1 1 1000000 -1000000 0 3 1 0 1 64
1 0 
0 
t_pss 1 1 1000000 -1000000 0 3 1 0 1 64
1 0 
0 
t_ppe2 1 1 1000000 -1000000 0 3 1 0 1 64
1 0 
0 
t_ppe 1 1 1000000 -1000000 0 3 1 0 1 64
1 0 
0 
t_pos3 1 1 1000000 -1000000 0 3 1 0 1 64
1 0 
0 
t_pro 1 1 1000000 -1000000 0 3 1 0 1 64
1 0 
0 
t_ppe3 1 1 1000000 -1000000 0 3 1 0 1 64
1 0 
0 
t_psi 1 1 1000000 -1000000 0 3 1 0 1 64
1 0 
0 
t_vox2 1 1 1000000 -1000000 0 3 1 0 1 64
1 0 
0 
t_thk 1 1 1000000 -1000000 0 3 1 0 1 64
1 0 
0 
t_theta 1 1 1000000 -1000000 0 3 1 0 1 64
1 0 
0 
t_vox1 1 1 1000000 -1000000 0 3 1 0 1 64
1 0 
0 
t_vphi 1 1 1000000 -1000000 0 3 1 0 1 64
1 0 
0 
t_vox3 1 1 1000000 -1000000 0 3 1 0 1 64
1 0 
0 
t_vpsi 1 1 1000000 -1000000 0 3 1 0 1 64
1 0 
0 
tagpwrf 7 1 0 4095 1 2 1 8192 1 64
1 3910 
0 
tagflip 3 1 1 0 100000 2 1 8192 1 64
1 90 
0 
tagdir 7 1 32767 0 0 2 1 0 1 64
1 0 
0 
tag 4 2 0 0 0 2 1 0 1 64
1 "y"
0 
tagfirst 1 1 9.99999984307e+17 -9.99999984307e+17 0 2 1 0 1 64
1 1 
0 
tagpat 2 2 0 0 0 2 1 0 1 64
1 "HS-AFP"
0 
taggap 1 1 9.99999984307e+17 -9.99999984307e+17 0 2 1 0 1 64
1 0.5 
0 
tagpwr 1 1 17 17 17 2 1 8192 1 64
1 36 
0 
tau2 3 1 14 14 14 2 1 8192 1 64
1 0 
0 
tau 3 1 14 14 14 2 1 8192 1 64
1 0 
0 
tagthk 1 1 9.99999984307e+17 -9.99999984307e+17 0 2 1 0 1 64
1 5 
0 
tagrev 2 2 8 0 0 2 1 0 1 64
1 "n"
0 
tau1 3 1 14 14 14 2 1 8192 1 64
1 0 
0 
tcrush 3 1 14 14 14 2 1 8192 1 64
1 0.001 
0 
tcrushfs 3 1 14 14 14 2 1 8192 1 64
1 0.001 
0 
thkcon 1 1 1000000 -1000000 0 2 1 0 1 64
1 0 
0 
tflow 3 1 14 14 14 2 1 8192 1 64
1 0.001 
0 
tdelta 3 1 14 14 14 2 1 8192 1 64
1 0.006 
0 
tcrushsat 3 1 14 14 14 2 1 8192 1 64
1 0.001 
0 
tcrushps 1 1 9.99999984307e+17 -9.99999984307e+17 0 2 1 0 1 64
1 0.001 
0 
tcrushmt 3 1 14 14 14 2 1 8192 1 64
1 0.001 
0 
tcrushq2 1 1 9.99999984307e+17 -9.99999984307e+17 0 2 1 0 1 64
1 0.001 
0 
tcrushtag 1 1 9.99999984307e+17 -9.99999984307e+17 0 2 1 0 1 64
1 0.001 
0 
temp 1 1 200 -150 0.1 2 1 8 0 64
1 29 
0 
te 3 1 14 14 14 2 1 8192 1 64
1 0.0046440125 
0 
tdeltavs 1 1 9.99999984307e+17 -9.99999984307e+17 0 2 1 0 1 64
1 0.003 
0 
tep 6 1 13 13 13 2 1 8192 1 64
1 65 
0 
theta 1 1 1000000 -1000000 0 2 1 8 1 64
1 0 
0 
th 1 1 1000000000 0 0 4 1 1 1 64
1 0 
0 
tgrid 1 1 9.99999984307e+17 -9.99999984307e+17 0 2 1 0 1 64
1 50 
0 
th2d 1 1 1 1e-18 0 4 1 17 1 64
1 0.8 
0 
thk 1 1 1000000 -1000000 0 2 1 0 1 64
1 1.0000000149 
0 
theta2 1 1 1000000 -1000000 0 2 1 0 1 64
1 0 
0 
thk2fact 1 1 9.99999984307e+17 -9.99999984307e+17 0 2 1 0 1 64
1 0.9888122476 
0 
time_plotted 2 2 8 0 0 3 1 0 1 64
1 ""
0 
ticks 1 1 1000000 0 1 2 1 1 1 64
1 0 
0 
thkunit 2 2 0 0 0 2 1 8 1 64
1 ""
0 
thktitle 2 2 0 0 0 4 1 3 1 64
1 ""
0 
thkirfact 1 1 9.99999984307e+17 -9.99999984307e+17 0 2 1 0 1 64
1 1 
0 
ti1 1 1 9.99999984307e+17 -9.99999984307e+17 0 2 1 0 1 64
1 0.1 
0 
ti 3 1 14 14 14 2 1 8192 1 64
1 0.06 
0 
ti2 1 1 9.99999984307e+17 -9.99999984307e+17 0 2 1 0 1 64
1 0.3 
0 
time_complete 2 2 8 0 0 2 1 0 1 64
1 "20121025T154955"
0 
time_exp 2 2 8 0 0 2 1 0 1 64
1 "26 sec"
0 
time_svfdate 2 2 8 0 0 2 1 0 1 64
1 "20121025T154849"
0 
time_submitted 2 2 8 0 0 2 1 0 1 64
1 "20121025T154849"
0 
time_run 2 2 8 0 0 2 1 0 1 64
1 "20121025T154850"
0 
time_processed 2 2 8 0 0 3 1 0 1 64
1 ""
0 
time_saved 2 2 8 0 0 2 1 0 1 64
1 ""
0 
time_submitted_local 2 2 8 0 0 2 1 0 1 64
1 "20121025T154849X03PMThuOct"
0 
tlt 1 1 1000000000 -1000000000 0 4 1 1 1 64
1 0 
0 
tin 2 2 1 0 0 2 1 2 1 64
1 "n"
3 "n" "w" "y" 
tn 2 2 4 0 0 2 1 8 1 64
1 "H1"
0 
tm 3 1 14 14 14 2 1 8192 1 64
1 0 
0 
tof 5 1 7 7 7 2 1 8202 1 64
1 -766 
0 
vo 1 1 500 -500 0 4 1 1 1 64
1 0 
0 
tpwrif 7 1 0 4095 1 2 1 8192 1 64
1 3855 
0 
tpwr3 1 1 17 17 17 2 1 8192 1 64
1 0 
0 
tpwr 1 1 17 17 17 2 1 8192 1 64
1 55 
0 
tpe3 3 1 14 14 14 2 1 8192 1 64
1 0 
0 
tpe2 3 1 14 14 14 2 1 8192 1 64
1 0 
0 
tper 1 1 9.99999984307e+17 -9.99999984307e+17 0 2 1 0 1 64
1 0.000176 
0 
tpwr1f 7 1 0 4095 1 2 1 8192 1 64
1 3663 
0 
tpwr1 1 1 17 17 17 2 1 8192 1 64
1 27 
0 
tpwr2 1 1 17 17 17 2 1 8192 1 64
1 56 
0 
tpwr2f 1 1 9.99999984307e+17 -9.99999984307e+17 0 2 1 0 1 64
1 3759 
0 
tpwrf 1 1 0 4095 1 2 1 8192 1 64
1 4095 
0 
tpwr5 1 1 17 17 17 2 1 8192 1 64
1 0 
0 
tpwr4 1 1 17 17 17 2 1 8192 1 64
1 0 
0 
tpwrfsatf 7 1 0 4095 1 2 1 8192 1 64
1 3722 
0 
tpwrfsat 1 1 17 17 17 2 1 8192 1 64
1 36 
0 
tpwri 1 1 17 17 17 2 1 8192 1 64
1 60 
0 
trigger 7 1 32767 0 0 2 1 0 1 64
1 1 
0 
tr 3 1 14 14 14 2 1 8192 1 64
1 4 
0 
tpwrq2 1 1 9.99999984307e+17 -9.99999984307e+17 0 2 1 0 1 64
1 49 
0 
tpwrmtf 1 1 9.99999984307e+17 -9.99999984307e+17 0 2 1 0 1 64
1 3895 
0 
tpwrmt 1 1 9.99999984307e+17 -9.99999984307e+17 0 2 1 0 1 64
1 56 
0 
tpwrtag 1 1 9.99999984307e+17 -9.99999984307e+17 0 2 1 0 1 64
1 53 
0 
tpwrq2f 1 1 9.99999984307e+17 -9.99999984307e+17 0 2 1 0 1 64
1 4063 
0 
tpwrtagf 1 1 9.99999984307e+17 -9.99999984307e+17 0 2 1 0 1 64
1 3771 
0 
trelax 3 1 14 14 14 2 1 8192 1 64
1 0 
0 
trace 2 2 2 0 0 4 1 3 1 64
1 "f1"
2 "f1" "f2" 
tssr 1 1 9.99999984307e+17 -9.99999984307e+17 0 2 1 0 1 64
1 0.000336 
0 
tspoil 3 1 14 14 14 2 1 8192 1 64
1 0.001 
0 
tro 1 1 9.99999984307e+17 -9.99999984307e+17 0 2 1 0 1 64
1 0.00032 
0 
trimage 3 1 14 14 14 2 1 8192 1 64
1 0 
0 
trise 1 1 9.99999984307e+17 -9.99999984307e+17 0 2 1 0 1 64
1 0.000155 
0 
tror 3 1 14 14 14 2 1 8192 1 64
1 0.000176 
0 
trtype 7 1 32767 0 0 2 1 0 1 64
1 0 
0 
tss2 1 1 9.99999984307e+17 -9.99999984307e+17 0 2 1 0 1 64
1 0.0036 
0 
tss 1 1 9.99999984307e+17 -9.99999984307e+17 0 2 1 0 1 64
1 0.002056 
0 
vcoil 2 2 8 0 0 2 1 0 1 64
1 "y"
0 
username 2 2 8 0 0 2 1 0 1 64
1 "vnmr1"
0 
ttagcrush 3 1 14 14 14 2 1 8192 1 64
1 0.0015 
0 
tstartup 1 1 9.99999984307e+17 -9.99999984307e+17 0 2 1 0 1 64
1 0 
0 
vascsup 2 2 8 0 0 2 1 0 1 64
1 "n"
0 
vcoilrefselect 2 2 8 0 0 2 1 0 1 64
1 ""
0 
vcoilrefdir 2 2 8 0 0 2 1 0 1 64
1 ""
0 
vcoilref 2 2 8 0 0 2 1 0 1 64
1 ""
0 
vf 1 1 1000000000 0 0 4 1 3 1 64
1 256.280970437 
0 
verbose 4 2 0 0 0 2 1 0 1 64
1 "n"
0 
vloc_ 2 2 8 0 0 2 1 8 1 64
1 "C7"
0 
x4 7 1 19 19 19 2 1 8192 1 64
1 0 
0 
vtwait 3 1 14 14 14 2 1 8194 1 64
1 300 
0 
vphi 1 1 1000000 -1000000 0 2 1 0 1 64
1 0 
0 
vox2 1 1 1000000 -1000000 0 2 1 0 1 64
1 30 
0 
volumexmt 2 2 8 0 0 2 1 0 1 64
1 "y"
0 
volumercv 2 2 8 0 0 2 1 0 1 64
1 "y"
0 
volnv2 1 1 1000000 0 1 2 1 9 1 64
1 0 
0 
volumes 1 1 9.99999984307e+17 -9.99999984307e+17 0 2 1 0 1 64
1 1 
0 
vorient 2 2 0 0 0 2 1 0 1 64
1 "trans"
0 
vox1 1 1 1000000 -1000000 0 2 1 0 1 64
1 30 
0 
voxtitle 2 2 0 0 0 4 1 3 1 64
1 ""
0 
vox3 1 1 1000000 -1000000 0 2 1 0 1 64
1 5 
0 
vpf 1 1 500 -500 0 4 1 0 1 64
1 0 
0 
vp 7 1 500 -500 0.1 4 1 3 1 64
1 0 
0 
vpfi 1 1 500 -500 0 4 1 0 1 64
1 0 
0 
vs 1 1 1000000000 1e-06 0 4 1 3 1 64
1 6823.32464435 
0 
vpsi 1 1 1000000 -1000000 0 2 1 0 1 64
1 0 
0 
vpostitle 2 2 0 0 0 4 1 3 1 64
1 ""
0 
vproto_ 2 2 8 0 0 2 1 0 1 64
1 ""
0 
vrack_ 7 1 5 1 0 2 1 0 1 64
1 1 
0 
vsproj 1 1 9.99999984307e+17 -9.99999984307e+17 0 4 1 3 1 64
1 257.728627752 
0 
vs2d 1 1 1000000000 1e-06 0 4 1 3 1 64
1 335.963408104 
0 
vtheta 1 1 1000000 -1000000 0 2 1 0 1 64
1 0 
0 
vtc 1 1 255 0 1 2 1 2 1 64
1 25 
0 
wnt 2 2 6 0 0 3 1 3 1 64
1 ""
0 
werr 2 2 6 0 0 3 1 3 1 64
1 "xmwerr"
0 
wc2 1 1 4 4 4 4 1 8195 1 64
1 57 
0 
wbs 2 2 6 0 0 3 1 3 1 64
1 ""
0 
vzone_ 7 1 15 1 0 2 1 0 1 64
1 1 
0 
wc 1 1 2 2 2 4 1 8203 1 64
1 180 
0 
weight 1 1 9.9e+17 0 0.001 3 1 0 1 64
1 0 
0 
wdone 2 2 8 0 0 3 1 0 1 64
1 "xmwexp"
0 
wf 1 1 8190 0 1e-07 4 1 3 1 64
1 0.000696 
0 
wexp 2 2 6 0 0 3 1 3 1 64
1 "abortoff procplot save acqWexp aborton"
0 
wf1 1 1 9.99999984307e+17 -9.99999984307e+17 0 4 1 0 1 64
1 0.0512671999999 
0 
when_mask 7 1 32767 0 0 2 1 0 1 64
1 15 
0 
wsfrq 5 1 8 8 8 2 1 8192 1 64
1 0 
0 
wp1 1 1 100000 0 0 4 1 3 1 64
1 2496.723051 
0 
wp 1 1 5000000 0 0 4 1 11 1 64
1 9995.1171875 
0 
ws 4 2 0 0 0 2 1 0 1 64
1 ""
0 
wtfile1 2 2 15 0 0 3 2 1 1 64
1 ""
0 
wtag 1 1 9.99999984307e+17 -9.99999984307e+17 0 2 1 0 1 64
1 0.03 
0 
wshim 4 2 4 0 0 2 1 1 1 64
1 "n"
15 "e" "f" "g" "n" "s" "0" "1" "2" "3" "4" "5" "6" "7" "8" "9" 
wtfile 2 2 15 0 0 3 1 1 1 64
1 ""
0 
x2y2 7 1 19 19 19 2 1 8192 1 64
1 0 
0 
x1 7 1 19 19 19 2 1 8192 1 64
1 3400 
0 
x3 7 1 19 19 19 2 1 8192 1 64
1 0 
0 
z3x3 7 1 19 19 19 2 1 8192 1 64
1 0 
0 
z1 7 1 19 19 19 2 1 8192 1 64
1 0 
0 
y3 7 1 19 19 19 2 1 8192 1 64
1 0 
0 
xz 7 1 19 19 19 2 1 8192 1 64
1 0 
0 
xdiag 1 1 1e+18 0 0 4 1 17 1 64
1 0 
0 
xy 7 1 19 19 19 2 1 8192 1 64
1 0 
0 
xz2 7 1 19 19 19 2 1 8192 1 64
1 0 
0 
y1 7 1 19 19 19 2 1 8192 1 64
1 3600 
0 
yz 7 1 19 19 19 2 1 8192 1 64
1 0 
0 
y4 7 1 19 19 19 2 1 8192 1 64
1 0 
0 
yz2 7 1 19 19 19 2 1 8192 1 64
1 0 
0 
z0_ 1 1 19 19 19 2 1 73744 1 64
1 0 
0 
z2x2y2 7 1 19 19 19 2 1 8192 1 64
1 0 
0 
z2 7 1 19 19 19 2 1 8192 1 64
1 0 
0 
z1c 7 1 19 19 19 2 1 8192 1 64
1 700 
0 
z2c 7 1 19 19 19 2 1 8192 1 64
1 0 
0 
z3 7 1 19 19 19 2 1 8192 1 64
1 0 
0 
z2xy 7 1 19 19 19 2 1 8192 1 64
1 0 
0 
z2x3 7 1 19 19 19 2 1 8192 1 64
1 0 
0 
z2y3 7 1 19 19 19 2 1 8192 1 64
1 0 
0 
z3x 7 1 19 19 19 2 1 8192 1 64
1 0 
0 
z3c 7 1 19 19 19 2 1 8192 1 64
1 0 
0 
z3x2y2 7 1 19 19 19 2 1 8192 1 64
1 0 
0 
z4xy 7 1 19 19 19 2 1 8192 1 64
1 0 
0 
z4 7 1 19 19 19 2 1 8192 1 64
1 0 
0 
z3y 7 1 19 19 19 2 1 8192 1 64
1 0 
0 
z3xy 7 1 19 19 19 2 1 8192 1 64
1 0 
0 
z3y3 7 1 19 19 19 2 1 8192 1 64
1 0 
0 
z4x 7 1 19 19 19 2 1 8192 1 64
1 0 
0 
z4c 7 1 19 19 19 2 1 8192 1 64
1 0 
0 
z4x2y2 7 1 19 19 19 2 1 8192 1 64
1 0 
0 
z7 7 1 19 19 19 2 1 8192 1 64
1 0 
0 
z5y 7 1 19 19 19 2 1 8192 1 64
1 0 
0 
z5 7 1 19 19 19 2 1 8192 1 64
1 0 
0 
z4y 7 1 19 19 19 2 1 8192 1 64
1 0 
0 
z5x 7 1 19 19 19 2 1 8192 1 64
1 0 
0 
z6 7 1 19 19 19 2 1 8192 1 64
1 0 
0 
zx2y2 7 1 19 19 19 2 1 8192 1 64
1 0 
0 
zero 1 1 1e+17 -1e+17 0 3 1 39 1 64
1 0 
0 
z8 7 1 19 19 19 2 1 8192 1 64
1 0 
0 
zxy 7 1 19 19 19 2 1 8192 1 64
1 0 
0 
zx3 7 1 19 19 19 2 1 8192 1 64
1 0 
0 
zy3 7 1 19 19 19 2 1 8192 1 64
1 0 
0 
